RESTRICTION: || (== net45) (== net452) (== net46) (== net47) (== netcoreapp3.0)
NUGET
  remote: https://api.nuget.org/v3/index.json
    Caliburn.Micro (3.2)
      Caliburn.Micro.Core (3.2)
    Caliburn.Micro.Core (3.2)
    ControlzEx (4.0.0-alpha0232)
      Microsoft.Xaml.Behaviors.Wpf (>= 1.0.1)
    Costura.Fody (3.3.2)
      Fody (>= 3.3.5) - restriction: || (== net45) (== net452) (== net46) (== net47) (&& (== netcoreapp3.0) (>= net40))
    ExposedObject (1.2)
    Fody (3.3.5)
    JetBrains.Annotations (2018.3) - copy_local: true
    MahApps.Metro.IconPacks (3.0.0-alpha0103)
    MaterialDesignColors (1.1.3)
    MaterialDesignThemes (2.5.1-ci1297)
      MaterialDesignColors (>= 1.1.2)
    Microsoft.Build.Tasks.Git (1.0.0-beta2-18618-05) - copy_local: true
    Microsoft.CodeCoverage (15.9)
    Microsoft.DotNet.PlatformAbstractions (2.1) - restriction: || (&& (== net45) (>= netcoreapp1.0)) (&& (== net452) (>= netcoreapp1.0)) (&& (== net46) (>= netcoreapp1.0)) (&& (== net47) (>= netcoreapp1.0)) (== netcoreapp3.0)
      System.AppContext (>= 4.1) - restriction: || (&& (== net452) (< net45) (>= netstandard1.3)) (&& (== net46) (< net45)) (&& (== net47) (< net45)) (== netcoreapp3.0)
      System.Collections (>= 4.0.11) - restriction: || (&& (== net452) (< net45) (>= netstandard1.3)) (&& (== net46) (< net45)) (&& (== net47) (< net45)) (== netcoreapp3.0)
      System.IO (>= 4.1) - restriction: || (&& (== net452) (< net45) (>= netstandard1.3)) (&& (== net46) (< net45)) (&& (== net47) (< net45)) (== netcoreapp3.0)
      System.IO.FileSystem (>= 4.0.1) - restriction: || (&& (== net452) (< net45) (>= netstandard1.3)) (&& (== net46) (< net45)) (&& (== net47) (< net45)) (== netcoreapp3.0)
      System.Reflection.TypeExtensions (>= 4.1) - restriction: || (&& (== net452) (< net45) (>= netstandard1.3)) (&& (== net46) (< net45)) (&& (== net47) (< net45)) (== netcoreapp3.0)
      System.Runtime.Extensions (>= 4.1) - restriction: || (&& (== net452) (< net45) (>= netstandard1.3)) (&& (== net46) (< net45)) (&& (== net47) (< net45)) (== netcoreapp3.0)
      System.Runtime.InteropServices (>= 4.1) - restriction: || (&& (== net452) (< net45) (>= netstandard1.3)) (&& (== net46) (< net45)) (&& (== net47) (< net45)) (== netcoreapp3.0)
      System.Runtime.InteropServices.RuntimeInformation (>= 4.0)
    Microsoft.Extensions.DependencyModel (2.1) - restriction: || (&& (== net45) (>= netcoreapp1.0)) (&& (== net452) (>= netcoreapp1.0)) (&& (== net46) (>= netcoreapp1.0)) (&& (== net47) (>= netcoreapp1.0)) (== netcoreapp3.0)
      Microsoft.DotNet.PlatformAbstractions (>= 2.1) - restriction: || (&& (== net45) (>= net451)) (&& (== net45) (>= netstandard1.3)) (== net452) (== net46) (== net47) (== netcoreapp3.0)
      Newtonsoft.Json (>= 9.0.1) - restriction: || (&& (== net45) (>= net451)) (&& (== net45) (>= netstandard1.3)) (== net452) (== net46) (== net47) (== netcoreapp3.0)
      System.Diagnostics.Debug (>= 4.0.11) - restriction: || (&& (== net45) (>= netstandard1.3)) (&& (== net45) (>= netstandard1.6)) (&& (== net452) (< net451) (>= netstandard1.3)) (&& (== net452) (< net451) (>= netstandard1.6)) (&& (== net46) (< net451)) (&& (== net47) (< net451)) (== netcoreapp3.0)
      System.Dynamic.Runtime (>= 4.0.11) - restriction: || (&& (== net45) (>= netstandard1.3)) (&& (== net45) (>= netstandard1.6)) (&& (== net452) (< net451) (>= netstandard1.3)) (&& (== net452) (< net451) (>= netstandard1.6)) (&& (== net46) (< net451)) (&& (== net47) (< net451)) (== netcoreapp3.0)
      System.Linq (>= 4.1) - restriction: || (&& (== net45) (>= netstandard1.3)) (&& (== net45) (>= netstandard1.6)) (&& (== net452) (< net451) (>= netstandard1.3)) (&& (== net452) (< net451) (>= netstandard1.6)) (&& (== net46) (< net451)) (&& (== net47) (< net451)) (== netcoreapp3.0)
    Microsoft.NET.Test.Sdk (15.9)
      Microsoft.CodeCoverage (>= 15.9)
      Microsoft.TestPlatform.TestHost (>= 15.9) - restriction: || (&& (== net45) (>= netcoreapp1.0)) (&& (== net452) (>= netcoreapp1.0)) (&& (== net46) (>= netcoreapp1.0)) (&& (== net47) (>= netcoreapp1.0)) (== netcoreapp3.0)
    Microsoft.NETCore.Platforms (2.2) - restriction: || (== net45) (&& (== net452) (== net46) (>= wpa81)) (&& (== net452) (== net47) (>= wpa81)) (&& (== net452) (>= netcoreapp2.0)) (&& (== net46) (< net45)) (&& (== net46) (< net452)) (&& (== net46) (>= netcoreapp2.0)) (&& (== net46) (< netstandard1.0)) (&& (== net46) (< netstandard1.3) (>= wpa81)) (&& (== net46) (< portable-net45+win8+wpa81)) (&& (== net46) (>= uap10.0)) (&& (== net46) (>= wp8)) (&& (== net47) (< net45)) (&& (== net47) (< net452)) (&& (== net47) (>= netcoreapp2.0)) (&& (== net47) (< netstandard1.0)) (&& (== net47) (< netstandard1.3) (>= wpa81)) (&& (== net47) (< portable-net45+win8+wpa81)) (&& (== net47) (>= uap10.0)) (&& (== net47) (>= wp8)) (== netcoreapp3.0)
    Microsoft.NETCore.Targets (2.1) - restriction: || (&& (== net45) (>= netcoreapp1.0)) (&& (== net452) (>= netcoreapp1.0)) (&& (== net46) (>= netcoreapp1.0)) (&& (== net47) (>= netcoreapp1.0)) (== netcoreapp3.0)
    Microsoft.SourceLink.Common (1.0.0-beta2-18618-05) - copy_local: true
    Microsoft.SourceLink.GitHub (1.0.0-beta2-18618-05) - copy_local: true
      Microsoft.Build.Tasks.Git (>= 1.0.0-beta2-18618-05)
      Microsoft.SourceLink.Common (>= 1.0.0-beta2-18618-05)
    Microsoft.TestPlatform.ObjectModel (15.9) - restriction: || (&& (== net45) (>= netcoreapp1.0)) (&& (== net452) (>= netcoreapp1.0)) (&& (== net46) (>= netcoreapp1.0)) (&& (== net47) (>= netcoreapp1.0)) (== netcoreapp3.0)
      NETStandard.Library (>= 1.6) - restriction: || (&& (== net45) (>= netstandard1.5)) (&& (== net452) (< net451) (>= netstandard1.5)) (&& (== net46) (< net451) (>= netstandard1.5)) (&& (== net47) (< net451)) (== netcoreapp3.0)
      System.ComponentModel.EventBasedAsync (>= 4.0.11) - restriction: || (&& (== net45) (>= netstandard1.5)) (&& (== net452) (< net451) (>= netstandard1.5)) (&& (== net46) (< net451) (>= netstandard1.5)) (&& (== net47) (< net451)) (== netcoreapp3.0)
      System.ComponentModel.TypeConverter (>= 4.1) - restriction: || (&& (== net45) (>= netstandard1.4)) (&& (== net45) (>= netstandard1.5)) (&& (== net452) (< net451) (>= netstandard1.4)) (&& (== net452) (< net451) (>= netstandard1.5)) (&& (== net46) (< net451) (>= netstandard1.4)) (&& (== net46) (< net451) (>= netstandard1.5)) (&& (== net47) (< net451)) (== netcoreapp3.0)
      System.Diagnostics.Process (>= 4.1) - restriction: || (&& (== net45) (>= netstandard1.5)) (&& (== net452) (< net451) (>= netstandard1.5)) (&& (== net46) (< net451) (>= netstandard1.5)) (&& (== net47) (< net451)) (== netcoreapp3.0)
      System.Diagnostics.TextWriterTraceListener (>= 4.0) - restriction: || (&& (== net45) (>= netstandard1.5)) (&& (== net452) (< net451) (>= netstandard1.5)) (&& (== net46) (< net451) (>= netstandard1.5)) (&& (== net47) (< net451)) (== netcoreapp3.0)
      System.Diagnostics.TraceSource (>= 4.0) - restriction: || (&& (== net45) (>= netstandard1.5)) (&& (== net452) (< net451) (>= netstandard1.5)) (&& (== net46) (< net451) (>= netstandard1.5)) (&& (== net47) (< net451)) (== netcoreapp3.0)
      System.Reflection.Metadata (>= 1.3) - restriction: || (&& (== net45) (>= net451)) (&& (== net45) (>= netstandard1.5)) (== net452) (== net46) (== net47) (== netcoreapp3.0)
      System.Reflection.TypeExtensions (>= 4.1) - restriction: || (&& (== net45) (>= netstandard1.5)) (&& (== net452) (< net451) (>= netstandard1.5)) (&& (== net46) (< net451) (>= netstandard1.5)) (&& (== net47) (< net451)) (== netcoreapp3.0)
      System.Runtime.InteropServices.RuntimeInformation (>= 4.0) - restriction: || (&& (== net45) (>= netstandard1.4)) (&& (== net45) (>= netstandard1.5)) (&& (== net452) (< net451) (>= netstandard1.4)) (&& (== net452) (< net451) (>= netstandard1.5)) (&& (== net46) (< net451) (>= netstandard1.4)) (&& (== net46) (< net451) (>= netstandard1.5)) (&& (== net47) (< net451)) (== netcoreapp3.0)
      System.Runtime.Loader (>= 4.0) - restriction: || (&& (== net45) (>= netstandard1.5)) (&& (== net452) (< net451) (>= netstandard1.5)) (&& (== net46) (< net451) (>= netstandard1.5)) (&& (== net47) (< net451)) (== netcoreapp3.0)
      System.Runtime.Serialization.Json (>= 4.0.2) - restriction: || (&& (== net45) (>= netstandard1.5)) (&& (== net452) (< net451) (>= netstandard1.5)) (&& (== net46) (< net451) (>= netstandard1.5)) (&& (== net47) (< net451)) (== netcoreapp3.0)
      System.Runtime.Serialization.Primitives (>= 4.1.1) - restriction: || (&& (== net45) (>= netstandard1.5)) (&& (== net452) (< net451) (>= netstandard1.5)) (&& (== net46) (< net451) (>= netstandard1.5)) (&& (== net47) (< net451)) (== netcoreapp3.0)
      System.Threading.Thread (>= 4.0) - restriction: || (&& (== net45) (>= netstandard1.5)) (&& (== net452) (< net451) (>= netstandard1.5)) (&& (== net46) (< net451) (>= netstandard1.5)) (&& (== net47) (< net451)) (== netcoreapp3.0)
      System.Xml.XPath.XmlDocument (>= 4.0.1) - restriction: || (&& (== net45) (>= netstandard1.5)) (&& (== net452) (< net451) (>= netstandard1.5)) (&& (== net46) (< net451) (>= netstandard1.5)) (&& (== net47) (< net451)) (== netcoreapp3.0)
    Microsoft.TestPlatform.TestHost (15.9) - restriction: || (&& (== net45) (>= netcoreapp1.0)) (&& (== net452) (>= netcoreapp1.0)) (&& (== net46) (>= netcoreapp1.0)) (&& (== net47) (>= netcoreapp1.0)) (== netcoreapp3.0)
      Microsoft.Extensions.DependencyModel (>= 1.0.3) - restriction: || (&& (== net45) (>= netcoreapp1.0)) (&& (== net452) (>= netcoreapp1.0)) (&& (== net46) (>= netcoreapp1.0)) (&& (== net47) (>= netcoreapp1.0)) (== netcoreapp3.0)
      Microsoft.TestPlatform.ObjectModel (>= 15.9) - restriction: || (&& (== net45) (>= netcoreapp1.0)) (&& (== net45) (>= uap10.0)) (&& (== net452) (>= netcoreapp1.0)) (&& (== net452) (>= uap10.0)) (&& (== net46) (>= netcoreapp1.0)) (&& (== net46) (>= uap10.0)) (&& (== net47) (>= netcoreapp1.0)) (&& (== net47) (>= uap10.0)) (== netcoreapp3.0)
      Newtonsoft.Json (>= 9.0.1) - restriction: || (&& (== net45) (>= netcoreapp1.0)) (&& (== net45) (>= uap10.0)) (&& (== net452) (>= netcoreapp1.0)) (&& (== net452) (>= uap10.0)) (&& (== net46) (>= netcoreapp1.0)) (&& (== net46) (>= uap10.0)) (&& (== net47) (>= netcoreapp1.0)) (&& (== net47) (>= uap10.0)) (== netcoreapp3.0)
    Microsoft.Win32.Primitives (4.3) - restriction: || (&& (== net45) (>= netcoreapp1.0)) (&& (== net452) (>= netcoreapp1.0)) (&& (== net46) (>= netcoreapp1.0)) (&& (== net47) (>= netcoreapp1.0)) (== netcoreapp3.0)
      Microsoft.NETCore.Platforms (>= 1.1) - restriction: || (&& (== net45) (>= netstandard1.3)) (&& (== net452) (>= netstandard1.3)) (&& (== net47) (< net46)) (== netcoreapp3.0)
      Microsoft.NETCore.Targets (>= 1.1) - restriction: || (&& (== net45) (>= netstandard1.3)) (&& (== net452) (>= netstandard1.3)) (&& (== net47) (< net46)) (== netcoreapp3.0)
      System.Runtime (>= 4.3) - restriction: || (&& (== net45) (>= netstandard1.3)) (&& (== net452) (>= netstandard1.3)) (&& (== net47) (< net46)) (== netcoreapp3.0)
    Microsoft.Win32.Registry (4.5) - restriction: || (&& (== net45) (>= netcoreapp1.0)) (&& (== net452) (>= netcoreapp1.0)) (&& (== net46) (>= netcoreapp1.0)) (&& (== net47) (>= netcoreapp1.0)) (== netcoreapp3.0)
      System.Security.AccessControl (>= 4.5) - restriction: || (&& (== net45) (>= monoandroid)) (&& (== net45) (>= monotouch)) (&& (== net45) (>= net461)) (&& (== net45) (>= netcoreapp2.0)) (&& (== net45) (>= netstandard2.0)) (&& (== net45) (>= xamarinios)) (&& (== net45) (>= xamarinmac)) (&& (== net45) (>= xamarintvos)) (&& (== net45) (>= xamarinwatchos)) (&& (== net452) (>= monoandroid)) (&& (== net452) (>= monotouch)) (&& (== net452) (>= net461)) (&& (== net452) (>= netcoreapp2.0)) (&& (== net452) (>= netstandard2.0)) (&& (== net452) (>= xamarinios)) (&& (== net452) (>= xamarinmac)) (&& (== net452) (>= xamarintvos)) (&& (== net452) (>= xamarinwatchos)) (&& (== net46) (>= monoandroid)) (&& (== net46) (>= monotouch)) (&& (== net46) (>= net461)) (&& (== net46) (>= netcoreapp2.0)) (&& (== net46) (>= xamarinios)) (&& (== net46) (>= xamarinmac)) (&& (== net46) (>= xamarintvos)) (&& (== net46) (>= xamarinwatchos)) (== net47) (== netcoreapp3.0)
      System.Security.Principal.Windows (>= 4.5) - restriction: || (&& (== net45) (>= monoandroid)) (&& (== net45) (>= monotouch)) (&& (== net45) (>= net461)) (&& (== net45) (>= netcoreapp2.0)) (&& (== net45) (>= netstandard2.0)) (&& (== net45) (>= xamarinios)) (&& (== net45) (>= xamarinmac)) (&& (== net45) (>= xamarintvos)) (&& (== net45) (>= xamarinwatchos)) (&& (== net452) (>= monoandroid)) (&& (== net452) (>= monotouch)) (&& (== net452) (>= net461)) (&& (== net452) (>= netcoreapp2.0)) (&& (== net452) (>= netstandard2.0)) (&& (== net452) (>= xamarinios)) (&& (== net452) (>= xamarinmac)) (&& (== net452) (>= xamarintvos)) (&& (== net452) (>= xamarinwatchos)) (&& (== net46) (>= monoandroid)) (&& (== net46) (>= monotouch)) (&& (== net46) (>= net461)) (&& (== net46) (>= netcoreapp2.0)) (&& (== net46) (>= xamarinios)) (&& (== net46) (>= xamarinmac)) (&& (== net46) (>= xamarintvos)) (&& (== net46) (>= xamarinwatchos)) (== net47) (== netcoreapp3.0)
    Microsoft.Xaml.Behaviors.Wpf (1.0.1)
    NETStandard.Library (2.0.3) - restriction: || (== net45) (&& (== net452) (>= netcoreapp1.0)) (&& (== net46) (< net452)) (&& (== net46) (>= netcoreapp1.0)) (&& (== net47) (< net452)) (&& (== net47) (>= netcoreapp1.0)) (== netcoreapp3.0)
      Microsoft.NETCore.Platforms (>= 1.1)
      System.Runtime.InteropServices.RuntimeInformation (>= 4.3) - restriction: || (== net45) (== net452) (== net46) (&& (== net47) (< net45)) (&& (== net47) (< netstandard1.0)) (&& (== net47) (< netstandard1.3)) (&& (== net47) (< netstandard1.4)) (&& (== net47) (>= uap10.0)) (&& (== netcoreapp3.0) (< netstandard1.0)) (&& (== netcoreapp3.0) (< netstandard1.2)) (&& (== netcoreapp3.0) (< netstandard1.3)) (&& (== netcoreapp3.0) (< netstandard1.4)) (&& (== netcoreapp3.0) (< netstandard1.5)) (&& (== netcoreapp3.0) (< netstandard1.6)) (&& (== netcoreapp3.0) (< netstandard2.0)) (&& (== netcoreapp3.0) (>= uap10.0))
    Newtonsoft.Json (12.0.1) - copy_local: true
    NHotkey (1.2.1)
    NHotkey.Wpf (1.2.1)
      NHotkey (>= 1.2.1)
    runtime.native.System (4.3.1) - restriction: || (&& (== net45) (>= netcoreapp1.0)) (&& (== net452) (>= netcoreapp1.0)) (&& (== net46) (>= netcoreapp1.0)) (&& (== net47) (>= netcoreapp1.0)) (== netcoreapp3.0)
      Microsoft.NETCore.Platforms (>= 1.1.1)
      Microsoft.NETCore.Targets (>= 1.1.3)
    System.AppContext (4.3) - restriction: || (&& (== net45) (>= netcoreapp1.0)) (&& (== net452) (>= netcoreapp1.0)) (&& (== net46) (>= netcoreapp1.0)) (&& (== net47) (>= netcoreapp1.0)) (== netcoreapp3.0)
      System.Runtime (>= 4.3) - restriction: || (&& (== net45) (>= dnxcore50)) (&& (== net45) (>= netstandard1.3)) (&& (== net45) (>= netstandard1.6)) (&& (== net452) (>= dnxcore50)) (&& (== net452) (>= netstandard1.3)) (&& (== net452) (>= netstandard1.6)) (&& (== net46) (>= dnxcore50)) (&& (== net47) (>= dnxcore50)) (&& (== net47) (< net46)) (== netcoreapp3.0)
    System.Collections (4.3) - restriction: || (&& (== net45) (>= netcoreapp1.0)) (&& (== net452) (>= netcoreapp1.0)) (&& (== net46) (>= netcoreapp1.0)) (&& (== net47) (>= netcoreapp1.0)) (== netcoreapp3.0)
      Microsoft.NETCore.Platforms (>= 1.1) - restriction: || (&& (== net45) (>= dnxcore50)) (&& (== net452) (>= dnxcore50)) (&& (== net452) (< net45)) (&& (== net46) (>= dnxcore50)) (&& (== net46) (< net45)) (&& (== net47) (>= dnxcore50)) (&& (== net47) (< net45)) (== netcoreapp3.0)
      Microsoft.NETCore.Targets (>= 1.1) - restriction: || (&& (== net45) (>= dnxcore50)) (&& (== net452) (>= dnxcore50)) (&& (== net452) (< net45)) (&& (== net46) (>= dnxcore50)) (&& (== net46) (< net45)) (&& (== net47) (>= dnxcore50)) (&& (== net47) (< net45)) (== netcoreapp3.0)
      System.Runtime (>= 4.3) - restriction: || (&& (== net45) (>= dnxcore50)) (&& (== net452) (>= dnxcore50)) (&& (== net452) (< net45)) (&& (== net46) (>= dnxcore50)) (&& (== net46) (< net45)) (&& (== net47) (>= dnxcore50)) (&& (== net47) (< net45)) (== netcoreapp3.0)
    System.Collections.Concurrent (4.3) - restriction: || (&& (== net45) (>= netcoreapp1.0)) (&& (== net452) (>= netcoreapp1.0)) (&& (== net46) (>= netcoreapp1.0)) (&& (== net47) (>= netcoreapp1.0)) (== netcoreapp3.0)
      System.Collections (>= 4.3) - restriction: || (&& (== net45) (>= dnxcore50)) (&& (== net452) (>= dnxcore50)) (&& (== net452) (< net45) (>= netstandard1.3)) (&& (== net46) (>= dnxcore50)) (&& (== net46) (< net45)) (&& (== net47) (>= dnxcore50)) (&& (== net47) (< net45)) (== netcoreapp3.0)
      System.Diagnostics.Debug (>= 4.3) - restriction: || (&& (== net45) (>= dnxcore50)) (&& (== net452) (>= dnxcore50)) (&& (== net452) (< net45) (>= netstandard1.3)) (&& (== net46) (>= dnxcore50)) (&& (== net46) (< net45)) (&& (== net47) (>= dnxcore50)) (&& (== net47) (< net45)) (== netcoreapp3.0)
      System.Diagnostics.Tracing (>= 4.3) - restriction: || (&& (== net45) (>= dnxcore50)) (&& (== net452) (>= dnxcore50)) (&& (== net452) (< net45) (>= netstandard1.3)) (&& (== net46) (>= dnxcore50)) (&& (== net46) (< net45)) (&& (== net47) (>= dnxcore50)) (&& (== net47) (< net45)) (== netcoreapp3.0)
      System.Globalization (>= 4.3) - restriction: || (&& (== net45) (>= dnxcore50)) (&& (== net452) (>= dnxcore50)) (&& (== net452) (< net45) (>= netstandard1.3)) (&& (== net46) (>= dnxcore50)) (&& (== net46) (< net45)) (&& (== net47) (>= dnxcore50)) (&& (== net47) (< net45)) (== netcoreapp3.0)
      System.Reflection (>= 4.3) - restriction: || (&& (== net452) (< net45) (>= netstandard1.3)) (&& (== net46) (< net45)) (&& (== net47) (< net45)) (== netcoreapp3.0)
      System.Resources.ResourceManager (>= 4.3) - restriction: || (&& (== net45) (>= dnxcore50)) (&& (== net452) (>= dnxcore50)) (&& (== net452) (< net45) (>= netstandard1.3)) (&& (== net46) (>= dnxcore50)) (&& (== net46) (< net45)) (&& (== net47) (>= dnxcore50)) (&& (== net47) (< net45)) (== netcoreapp3.0)
      System.Runtime (>= 4.3) - restriction: || (&& (== net45) (>= dnxcore50)) (&& (== net452) (>= dnxcore50)) (&& (== net452) (< net45)) (&& (== net46) (>= dnxcore50)) (&& (== net46) (< net45)) (&& (== net47) (>= dnxcore50)) (&& (== net47) (< net45)) (== netcoreapp3.0)
      System.Runtime.Extensions (>= 4.3) - restriction: || (&& (== net45) (>= dnxcore50)) (&& (== net452) (>= dnxcore50)) (&& (== net452) (< net45) (>= netstandard1.3)) (&& (== net46) (>= dnxcore50)) (&& (== net46) (< net45)) (&& (== net47) (>= dnxcore50)) (&& (== net47) (< net45)) (== netcoreapp3.0)
      System.Threading (>= 4.3) - restriction: || (&& (== net45) (>= dnxcore50)) (&& (== net452) (>= dnxcore50)) (&& (== net452) (< net45) (>= netstandard1.3)) (&& (== net46) (>= dnxcore50)) (&& (== net46) (< net45)) (&& (== net47) (>= dnxcore50)) (&& (== net47) (< net45)) (== netcoreapp3.0)
      System.Threading.Tasks (>= 4.3) - restriction: || (&& (== net45) (>= dnxcore50)) (&& (== net452) (>= dnxcore50)) (&& (== net452) (< net45)) (&& (== net46) (>= dnxcore50)) (&& (== net46) (< net45)) (&& (== net47) (>= dnxcore50)) (&& (== net47) (< net45)) (== netcoreapp3.0)
    System.Collections.NonGeneric (4.3) - restriction: || (&& (== net45) (>= netcoreapp1.0)) (&& (== net452) (>= netcoreapp1.0)) (&& (== net46) (>= netcoreapp1.0)) (&& (== net47) (>= netcoreapp1.0)) (== netcoreapp3.0)
      System.Diagnostics.Debug (>= 4.3) - restriction: || (&& (== net45) (>= netstandard1.3)) (&& (== net452) (>= netstandard1.3)) (&& (== net47) (< net46)) (== netcoreapp3.0)
      System.Globalization (>= 4.3) - restriction: || (&& (== net45) (>= netstandard1.3)) (&& (== net452) (>= netstandard1.3)) (&& (== net47) (< net46)) (== netcoreapp3.0)
      System.Resources.ResourceManager (>= 4.3) - restriction: || (&& (== net45) (>= netstandard1.3)) (&& (== net452) (>= netstandard1.3)) (&& (== net47) (< net46)) (== netcoreapp3.0)
      System.Runtime (>= 4.3) - restriction: || (&& (== net45) (>= netstandard1.3)) (&& (== net452) (>= netstandard1.3)) (&& (== net47) (< net46)) (== netcoreapp3.0)
      System.Runtime.Extensions (>= 4.3) - restriction: || (&& (== net45) (>= netstandard1.3)) (&& (== net452) (>= netstandard1.3)) (&& (== net47) (< net46)) (== netcoreapp3.0)
      System.Threading (>= 4.3) - restriction: || (&& (== net45) (>= netstandard1.3)) (&& (== net452) (>= netstandard1.3)) (&& (== net47) (< net46)) (== netcoreapp3.0)
    System.Collections.Specialized (4.3) - restriction: || (&& (== net45) (>= netcoreapp1.0)) (&& (== net452) (>= netcoreapp1.0)) (&& (== net46) (>= netcoreapp1.0)) (&& (== net47) (>= netcoreapp1.0)) (== netcoreapp3.0)
      System.Collections.NonGeneric (>= 4.3) - restriction: || (&& (== net45) (>= netstandard1.3)) (&& (== net452) (>= netstandard1.3)) (&& (== net47) (< net46)) (== netcoreapp3.0)
      System.Globalization (>= 4.3) - restriction: || (&& (== net45) (>= netstandard1.3)) (&& (== net452) (>= netstandard1.3)) (&& (== net47) (< net46)) (== netcoreapp3.0)
      System.Globalization.Extensions (>= 4.3) - restriction: || (&& (== net45) (>= netstandard1.3)) (&& (== net452) (>= netstandard1.3)) (&& (== net47) (< net46)) (== netcoreapp3.0)
      System.Resources.ResourceManager (>= 4.3) - restriction: || (&& (== net45) (>= netstandard1.3)) (&& (== net452) (>= netstandard1.3)) (&& (== net47) (< net46)) (== netcoreapp3.0)
      System.Runtime (>= 4.3) - restriction: || (&& (== net45) (>= netstandard1.3)) (&& (== net452) (>= netstandard1.3)) (&& (== net47) (< net46)) (== netcoreapp3.0)
      System.Runtime.Extensions (>= 4.3) - restriction: || (&& (== net45) (>= netstandard1.3)) (&& (== net452) (>= netstandard1.3)) (&& (== net47) (< net46)) (== netcoreapp3.0)
      System.Threading (>= 4.3) - restriction: || (&& (== net45) (>= netstandard1.3)) (&& (== net452) (>= netstandard1.3)) (&& (== net47) (< net46)) (== netcoreapp3.0)
    System.ComponentModel (4.3) - restriction: || (&& (== net45) (>= netcoreapp1.0)) (&& (== net452) (>= netcoreapp1.0)) (&& (== net46) (>= netcoreapp1.0)) (&& (== net47) (>= netcoreapp1.0)) (== netcoreapp3.0)
      System.Runtime (>= 4.3) - restriction: || (&& (== net45) (>= dnxcore50)) (&& (== net452) (>= dnxcore50)) (&& (== net452) (< net45)) (&& (== net46) (>= dnxcore50)) (&& (== net46) (< net45)) (&& (== net47) (>= dnxcore50)) (&& (== net47) (< net45)) (== netcoreapp3.0)
    System.ComponentModel.EventBasedAsync (4.3) - restriction: || (&& (== net45) (>= netcoreapp1.0)) (&& (== net452) (>= netcoreapp1.0)) (&& (== net46) (>= netcoreapp1.0)) (&& (== net47) (>= netcoreapp1.0)) (== netcoreapp3.0)
      System.Resources.ResourceManager (>= 4.3) - restriction: || (&& (== net45) (>= dnxcore50)) (&& (== net452) (>= dnxcore50)) (&& (== net452) (< net45) (>= netstandard1.3)) (&& (== net46) (>= dnxcore50)) (&& (== net46) (< net45)) (&& (== net47) (>= dnxcore50)) (&& (== net47) (< net45)) (== netcoreapp3.0)
      System.Runtime (>= 4.3) - restriction: || (&& (== net45) (>= dnxcore50)) (&& (== net452) (>= dnxcore50)) (&& (== net452) (< net45)) (&& (== net46) (>= dnxcore50)) (&& (== net46) (< net45)) (&& (== net47) (>= dnxcore50)) (&& (== net47) (< net45)) (== netcoreapp3.0)
      System.Threading (>= 4.3) - restriction: || (&& (== net45) (>= dnxcore50)) (&& (== net452) (>= dnxcore50)) (&& (== net452) (< net45) (>= netstandard1.3)) (&& (== net46) (>= dnxcore50)) (&& (== net46) (< net45)) (&& (== net47) (>= dnxcore50)) (&& (== net47) (< net45)) (== netcoreapp3.0)
      System.Threading.Tasks (>= 4.3) - restriction: || (&& (== net45) (>= dnxcore50)) (&& (== net452) (>= dnxcore50)) (&& (== net452) (< net45) (>= netstandard1.3)) (&& (== net46) (>= dnxcore50)) (&& (== net46) (< net45)) (&& (== net47) (>= dnxcore50)) (&& (== net47) (< net45)) (== netcoreapp3.0)
    System.ComponentModel.Primitives (4.3) - restriction: || (&& (== net45) (>= netcoreapp1.0)) (&& (== net452) (>= netcoreapp1.0)) (&& (== net46) (>= netcoreapp1.0)) (&& (== net47) (>= netcoreapp1.0)) (== netcoreapp3.0)
      System.ComponentModel (>= 4.3) - restriction: || (&& (== net452) (< net45)) (&& (== net46) (< net45)) (&& (== net47) (< net45)) (== netcoreapp3.0)
      System.Resources.ResourceManager (>= 4.3) - restriction: || (&& (== net452) (< net45)) (&& (== net46) (< net45)) (&& (== net47) (< net45)) (== netcoreapp3.0)
      System.Runtime (>= 4.3) - restriction: || (&& (== net452) (< net45)) (&& (== net46) (< net45)) (&& (== net47) (< net45)) (== netcoreapp3.0)
    System.ComponentModel.TypeConverter (4.3) - restriction: || (&& (== net45) (>= netcoreapp1.0)) (&& (== net452) (>= netcoreapp1.0)) (&& (== net46) (>= netcoreapp1.0)) (&& (== net47) (>= netcoreapp1.0)) (== netcoreapp3.0)
      System.Collections (>= 4.3) - restriction: || (&& (== net452) (< net45)) (&& (== net46) (< net45)) (&& (== net47) (< net45)) (== netcoreapp3.0)
      System.Collections.NonGeneric (>= 4.3) - restriction: || (&& (== net45) (>= net462)) (&& (== net452) (< net45) (>= netstandard1.5)) (&& (== net452) (>= net462)) (&& (== net46) (< net45) (>= netstandard1.5)) (&& (== net46) (>= net462)) (== net47) (== netcoreapp3.0)
      System.Collections.Specialized (>= 4.3) - restriction: || (&& (== net452) (< net45) (>= netstandard1.5)) (&& (== net46) (< net45) (>= netstandard1.5)) (&& (== net47) (< net45)) (== netcoreapp3.0)
      System.ComponentModel (>= 4.3) - restriction: || (&& (== net452) (< net45)) (&& (== net46) (< net45)) (&& (== net47) (< net45)) (== netcoreapp3.0)
      System.ComponentModel.Primitives (>= 4.3)
      System.Globalization (>= 4.3) - restriction: || (&& (== net452) (< net45)) (&& (== net46) (< net45)) (&& (== net47) (< net45)) (== netcoreapp3.0)
      System.Linq (>= 4.3) - restriction: || (&& (== net452) (< net45) (>= netstandard1.5)) (&& (== net46) (< net45) (>= netstandard1.5)) (&& (== net47) (< net45)) (== netcoreapp3.0)
      System.Reflection (>= 4.3) - restriction: || (&& (== net452) (< net45)) (&& (== net46) (< net45)) (&& (== net47) (< net45)) (== netcoreapp3.0)
      System.Reflection.Extensions (>= 4.3) - restriction: || (&& (== net452) (< net45)) (&& (== net46) (< net45)) (&& (== net47) (< net45)) (== netcoreapp3.0)
      System.Reflection.Primitives (>= 4.3) - restriction: || (&& (== net452) (< net45)) (&& (== net46) (< net45)) (&& (== net47) (< net45)) (== netcoreapp3.0)
      System.Reflection.TypeExtensions (>= 4.3) - restriction: || (&& (== net452) (< net45) (>= netstandard1.5)) (&& (== net46) (< net45) (>= netstandard1.5)) (&& (== net47) (< net45)) (== netcoreapp3.0)
      System.Resources.ResourceManager (>= 4.3) - restriction: || (&& (== net452) (< net45)) (&& (== net46) (< net45)) (&& (== net47) (< net45)) (== netcoreapp3.0)
      System.Runtime (>= 4.3) - restriction: || (&& (== net452) (< net45)) (&& (== net46) (< net45)) (&& (== net47) (< net45)) (== netcoreapp3.0)
      System.Runtime.Extensions (>= 4.3) - restriction: || (&& (== net452) (< net45)) (&& (== net46) (< net45)) (&& (== net47) (< net45)) (== netcoreapp3.0)
      System.Threading (>= 4.3) - restriction: || (&& (== net452) (< net45)) (&& (== net46) (< net45)) (&& (== net47) (< net45)) (== netcoreapp3.0)
    System.Diagnostics.Debug (4.3) - restriction: || (&& (== net45) (>= netcoreapp1.0)) (&& (== net452) (>= netcoreapp1.0)) (&& (== net46) (>= netcoreapp1.0)) (&& (== net47) (>= netcoreapp1.0)) (== netcoreapp3.0)
      Microsoft.NETCore.Platforms (>= 1.1) - restriction: || (&& (== net45) (>= dnxcore50)) (&& (== net452) (>= dnxcore50)) (&& (== net452) (< net45)) (&& (== net46) (>= dnxcore50)) (&& (== net46) (< net45)) (&& (== net47) (>= dnxcore50)) (&& (== net47) (< net45)) (== netcoreapp3.0)
      Microsoft.NETCore.Targets (>= 1.1) - restriction: || (&& (== net45) (>= dnxcore50)) (&& (== net452) (>= dnxcore50)) (&& (== net452) (< net45)) (&& (== net46) (>= dnxcore50)) (&& (== net46) (< net45)) (&& (== net47) (>= dnxcore50)) (&& (== net47) (< net45)) (== netcoreapp3.0)
      System.Runtime (>= 4.3) - restriction: || (&& (== net45) (>= dnxcore50)) (&& (== net452) (>= dnxcore50)) (&& (== net452) (< net45)) (&& (== net46) (>= dnxcore50)) (&& (== net46) (< net45)) (&& (== net47) (>= dnxcore50)) (&& (== net47) (< net45)) (== netcoreapp3.0)
    System.Diagnostics.Process (4.3) - restriction: || (&& (== net45) (>= netcoreapp1.0)) (&& (== net452) (>= netcoreapp1.0)) (&& (== net46) (>= netcoreapp1.0)) (&& (== net47) (>= netcoreapp1.0)) (== netcoreapp3.0)
      Microsoft.NETCore.Platforms (>= 1.1) - restriction: || (&& (== net45) (>= netstandard1.4)) (&& (== net452) (>= netstandard1.4)) (&& (== net47) (< net46)) (== netcoreapp3.0)
      Microsoft.Win32.Primitives (>= 4.3) - restriction: || (&& (== net45) (>= netstandard1.4)) (&& (== net452) (>= netstandard1.4)) (&& (== net47) (< net46)) (== netcoreapp3.0)
      Microsoft.Win32.Registry (>= 4.3) - restriction: || (&& (== net45) (>= netstandard1.4)) (&& (== net452) (>= netstandard1.4)) (&& (== net47) (< net46)) (== netcoreapp3.0)
      runtime.native.System (>= 4.3) - restriction: || (&& (== net45) (>= netstandard1.4)) (&& (== net452) (>= netstandard1.4)) (&& (== net47) (< net46)) (== netcoreapp3.0)
      System.Collections (>= 4.3) - restriction: || (&& (== net45) (>= netstandard1.4)) (&& (== net452) (>= netstandard1.4)) (&& (== net47) (< net46)) (== netcoreapp3.0)
      System.Diagnostics.Debug (>= 4.3) - restriction: || (&& (== net45) (>= netstandard1.4)) (&& (== net452) (>= netstandard1.4)) (&& (== net47) (< net46)) (== netcoreapp3.0)
      System.Globalization (>= 4.3) - restriction: || (&& (== net45) (>= netstandard1.4)) (&& (== net452) (>= netstandard1.4)) (&& (== net47) (< net46)) (== netcoreapp3.0)
      System.IO (>= 4.3) - restriction: || (&& (== net45) (>= netstandard1.3)) (&& (== net45) (>= netstandard1.4)) (&& (== net452) (>= netstandard1.3)) (&& (== net452) (>= netstandard1.4)) (&& (== net47) (< net46)) (== netcoreapp3.0)
      System.IO.FileSystem (>= 4.3) - restriction: || (&& (== net45) (>= netstandard1.4)) (&& (== net452) (>= netstandard1.4)) (&& (== net47) (< net46)) (== netcoreapp3.0)
      System.IO.FileSystem.Primitives (>= 4.3) - restriction: || (&& (== net45) (>= netstandard1.4)) (&& (== net452) (>= netstandard1.4)) (&& (== net47) (< net46)) (== netcoreapp3.0)
      System.Resources.ResourceManager (>= 4.3) - restriction: || (&& (== net45) (>= netstandard1.4)) (&& (== net452) (>= netstandard1.4)) (&& (== net47) (< net46)) (== netcoreapp3.0)
      System.Runtime (>= 4.3) - restriction: || (&& (== net45) (>= netstandard1.3)) (&& (== net45) (>= netstandard1.4)) (&& (== net452) (>= netstandard1.3)) (&& (== net452) (>= netstandard1.4)) (&& (== net47) (< net46)) (== netcoreapp3.0)
      System.Runtime.Extensions (>= 4.3) - restriction: || (&& (== net45) (>= netstandard1.4)) (&& (== net452) (>= netstandard1.4)) (&& (== net47) (< net46)) (== netcoreapp3.0)
      System.Runtime.Handles (>= 4.3) - restriction: || (&& (== net45) (>= netstandard1.3)) (&& (== net45) (>= netstandard1.4)) (&& (== net452) (>= netstandard1.3)) (&& (== net452) (>= netstandard1.4)) (&& (== net47) (< net46)) (== netcoreapp3.0)
      System.Runtime.InteropServices (>= 4.3) - restriction: || (&& (== net45) (>= netstandard1.4)) (&& (== net452) (>= netstandard1.4)) (&& (== net47) (< net46)) (== netcoreapp3.0)
      System.Text.Encoding (>= 4.3) - restriction: || (&& (== net45) (>= netstandard1.3)) (&& (== net45) (>= netstandard1.4)) (&& (== net452) (>= netstandard1.3)) (&& (== net452) (>= netstandard1.4)) (&& (== net47) (< net46)) (== netcoreapp3.0)
      System.Text.Encoding.Extensions (>= 4.3) - restriction: || (&& (== net45) (>= netstandard1.4)) (&& (== net452) (>= netstandard1.4)) (&& (== net47) (< net46)) (== netcoreapp3.0)
      System.Threading (>= 4.3) - restriction: || (&& (== net45) (>= netstandard1.4)) (&& (== net452) (>= netstandard1.4)) (&& (== net47) (< net46)) (== netcoreapp3.0)
      System.Threading.Tasks (>= 4.3) - restriction: || (&& (== net45) (>= netstandard1.4)) (&& (== net452) (>= netstandard1.4)) (&& (== net47) (< net46)) (== netcoreapp3.0)
      System.Threading.Thread (>= 4.3) - restriction: || (&& (== net45) (>= netstandard1.4)) (&& (== net452) (>= netstandard1.4)) (&& (== net47) (< net46)) (== netcoreapp3.0)
      System.Threading.ThreadPool (>= 4.3) - restriction: || (&& (== net45) (>= netstandard1.4)) (&& (== net452) (>= netstandard1.4)) (&& (== net47) (< net46)) (== netcoreapp3.0)
    System.Diagnostics.TextWriterTraceListener (4.3) - restriction: || (&& (== net45) (>= netcoreapp1.0)) (&& (== net452) (>= netcoreapp1.0)) (&& (== net46) (>= netcoreapp1.0)) (&& (== net47) (>= netcoreapp1.0)) (== netcoreapp3.0)
      System.Diagnostics.TraceSource (>= 4.3) - restriction: || (&& (== net45) (>= net46)) (&& (== net45) (>= netstandard1.3)) (&& (== net452) (>= net46)) (&& (== net452) (>= netstandard1.3)) (== net46) (== net47) (== netcoreapp3.0)
      System.Globalization (>= 4.3) - restriction: || (&& (== net45) (>= netstandard1.3)) (&& (== net452) (>= netstandard1.3)) (&& (== net47) (< net46)) (== netcoreapp3.0)
      System.IO (>= 4.3) - restriction: || (&& (== net45) (>= netstandard1.3)) (&& (== net452) (>= netstandard1.3)) (&& (== net47) (< net46)) (== netcoreapp3.0)
      System.Resources.ResourceManager (>= 4.3) - restriction: || (&& (== net45) (>= netstandard1.3)) (&& (== net452) (>= netstandard1.3)) (&& (== net47) (< net46)) (== netcoreapp3.0)
      System.Runtime (>= 4.3) - restriction: || (&& (== net45) (>= netstandard1.3)) (&& (== net452) (>= netstandard1.3)) (&& (== net47) (< net46)) (== netcoreapp3.0)
      System.Threading (>= 4.3) - restriction: || (&& (== net45) (>= netstandard1.3)) (&& (== net452) (>= netstandard1.3)) (&& (== net47) (< net46)) (== netcoreapp3.0)
    System.Diagnostics.Tools (4.3) - restriction: || (&& (== net45) (>= netcoreapp1.0)) (&& (== net452) (>= netcoreapp1.0)) (&& (== net46) (>= netcoreapp1.0)) (&& (== net47) (>= netcoreapp1.0)) (== netcoreapp3.0)
      Microsoft.NETCore.Platforms (>= 1.1) - restriction: || (&& (== net45) (>= dnxcore50)) (&& (== net452) (>= dnxcore50)) (&& (== net452) (< net45)) (&& (== net46) (>= dnxcore50)) (&& (== net46) (< net45)) (&& (== net47) (>= dnxcore50)) (&& (== net47) (< net45)) (== netcoreapp3.0)
      Microsoft.NETCore.Targets (>= 1.1) - restriction: || (&& (== net45) (>= dnxcore50)) (&& (== net452) (>= dnxcore50)) (&& (== net452) (< net45)) (&& (== net46) (>= dnxcore50)) (&& (== net46) (< net45)) (&& (== net47) (>= dnxcore50)) (&& (== net47) (< net45)) (== netcoreapp3.0)
      System.Runtime (>= 4.3) - restriction: || (&& (== net45) (>= dnxcore50)) (&& (== net452) (>= dnxcore50)) (&& (== net452) (< net45)) (&& (== net46) (>= dnxcore50)) (&& (== net46) (< net45)) (&& (== net47) (>= dnxcore50)) (&& (== net47) (< net45)) (== netcoreapp3.0)
    System.Diagnostics.TraceSource (4.3) - restriction: || (&& (== net45) (>= netcoreapp1.0)) (&& (== net452) (>= netcoreapp1.0)) (&& (== net46) (>= netcoreapp1.0)) (&& (== net47) (>= netcoreapp1.0)) (== netcoreapp3.0)
      Microsoft.NETCore.Platforms (>= 1.1) - restriction: || (&& (== net45) (>= netstandard1.3)) (&& (== net452) (>= netstandard1.3)) (&& (== net47) (< net46)) (== netcoreapp3.0)
      runtime.native.System (>= 4.3) - restriction: || (&& (== net45) (>= netstandard1.3)) (&& (== net452) (>= netstandard1.3)) (&& (== net47) (< net46)) (== netcoreapp3.0)
      System.Collections (>= 4.3) - restriction: || (&& (== net45) (>= netstandard1.3)) (&& (== net452) (>= netstandard1.3)) (&& (== net47) (< net46)) (== netcoreapp3.0)
      System.Diagnostics.Debug (>= 4.3) - restriction: || (&& (== net45) (>= netstandard1.3)) (&& (== net452) (>= netstandard1.3)) (&& (== net47) (< net46)) (== netcoreapp3.0)
      System.Globalization (>= 4.3) - restriction: || (&& (== net45) (>= netstandard1.3)) (&& (== net452) (>= netstandard1.3)) (&& (== net47) (< net46)) (== netcoreapp3.0)
      System.Resources.ResourceManager (>= 4.3) - restriction: || (&& (== net45) (>= netstandard1.3)) (&& (== net452) (>= netstandard1.3)) (&& (== net47) (< net46)) (== netcoreapp3.0)
      System.Runtime (>= 4.3) - restriction: || (&& (== net45) (>= netstandard1.3)) (&& (== net452) (>= netstandard1.3)) (&& (== net47) (< net46)) (== netcoreapp3.0)
      System.Runtime.Extensions (>= 4.3) - restriction: || (&& (== net45) (>= netstandard1.3)) (&& (== net452) (>= netstandard1.3)) (&& (== net47) (< net46)) (== netcoreapp3.0)
      System.Threading (>= 4.3) - restriction: || (&& (== net45) (>= netstandard1.3)) (&& (== net452) (>= netstandard1.3)) (&& (== net47) (< net46)) (== netcoreapp3.0)
    System.Diagnostics.Tracing (4.3) - restriction: || (&& (== net45) (>= netcoreapp1.0)) (&& (== net452) (>= netcoreapp1.0)) (&& (== net46) (>= netcoreapp1.0)) (&& (== net47) (>= netcoreapp1.0)) (== netcoreapp3.0)
      Microsoft.NETCore.Platforms (>= 1.1) - restriction: || (&& (== net45) (>= dnxcore50)) (&& (== net452) (>= dnxcore50)) (&& (== net452) (< net45)) (&& (== net46) (>= dnxcore50)) (&& (== net46) (< net45)) (&& (== net47) (>= dnxcore50)) (&& (== net47) (< net45)) (== netcoreapp3.0)
      Microsoft.NETCore.Targets (>= 1.1) - restriction: || (&& (== net45) (>= dnxcore50)) (&& (== net452) (>= dnxcore50)) (&& (== net452) (< net45)) (&& (== net46) (>= dnxcore50)) (&& (== net46) (< net45)) (&& (== net47) (>= dnxcore50)) (&& (== net47) (< net45)) (== netcoreapp3.0)
      System.Runtime (>= 4.3) - restriction: || (&& (== net45) (>= dnxcore50)) (&& (== net452) (>= dnxcore50)) (&& (== net452) (< net45)) (&& (== net46) (>= dnxcore50)) (&& (== net46) (< net45)) (&& (== net47) (>= dnxcore50)) (&& (== net47) (< net45)) (== netcoreapp3.0)
    System.Dynamic.Runtime (4.3) - restriction: || (&& (== net45) (>= netcoreapp1.0)) (&& (== net452) (>= netcoreapp1.0)) (&& (== net46) (>= netcoreapp1.0)) (&& (== net47) (>= netcoreapp1.0)) (== netcoreapp3.0)
      System.Collections (>= 4.3) - restriction: || (&& (== net45) (>= dnxcore50)) (&& (== net452) (>= dnxcore50)) (&& (== net452) (< net45) (>= netstandard1.3)) (&& (== net46) (>= dnxcore50)) (&& (== net46) (< net45)) (&& (== net47) (>= dnxcore50)) (&& (== net47) (< net45)) (== netcoreapp3.0)
      System.Diagnostics.Debug (>= 4.3) - restriction: || (&& (== net45) (>= dnxcore50)) (&& (== net452) (>= dnxcore50)) (&& (== net452) (< net45) (>= netstandard1.3)) (&& (== net46) (>= dnxcore50)) (&& (== net46) (< net45)) (&& (== net47) (>= dnxcore50)) (&& (== net47) (< net45)) (== netcoreapp3.0)
      System.Linq (>= 4.3) - restriction: || (&& (== net45) (>= dnxcore50)) (&& (== net452) (>= dnxcore50)) (&& (== net452) (< net45) (>= netstandard1.3)) (&& (== net46) (>= dnxcore50)) (&& (== net46) (< net45)) (&& (== net47) (>= dnxcore50)) (&& (== net47) (< net45)) (== netcoreapp3.0)
      System.Linq.Expressions (>= 4.3) - restriction: || (&& (== net45) (>= dnxcore50)) (&& (== net452) (>= dnxcore50)) (&& (== net452) (< net45)) (&& (== net46) (>= dnxcore50)) (&& (== net46) (< net45)) (&& (== net47) (>= dnxcore50)) (&& (== net47) (< net45)) (== netcoreapp3.0)
      System.ObjectModel (>= 4.3) - restriction: || (&& (== net45) (>= dnxcore50)) (&& (== net452) (>= dnxcore50)) (&& (== net452) (< net45)) (&& (== net46) (>= dnxcore50)) (&& (== net46) (< net45)) (&& (== net47) (>= dnxcore50)) (&& (== net47) (< net45)) (== netcoreapp3.0)
      System.Reflection (>= 4.3) - restriction: || (&& (== net45) (>= dnxcore50)) (&& (== net452) (>= dnxcore50)) (&& (== net452) (< net45)) (&& (== net46) (>= dnxcore50)) (&& (== net46) (< net45)) (&& (== net47) (>= dnxcore50)) (&& (== net47) (< net45)) (== netcoreapp3.0)
      System.Reflection.Emit (>= 4.3) - restriction: || (&& (== net452) (< net45) (>= netstandard1.3)) (&& (== net46) (< net45)) (&& (== net47) (< net45)) (== netcoreapp3.0)
      System.Reflection.Emit.ILGeneration (>= 4.3) - restriction: || (&& (== net452) (< net45) (>= netstandard1.3)) (&& (== net46) (< net45)) (&& (== net47) (< net45)) (== netcoreapp3.0)
      System.Reflection.Primitives (>= 4.3) - restriction: || (&& (== net452) (< net45) (>= netstandard1.3)) (&& (== net46) (< net45)) (&& (== net47) (< net45)) (== netcoreapp3.0)
      System.Reflection.TypeExtensions (>= 4.3) - restriction: || (&& (== net45) (>= dnxcore50)) (&& (== net452) (>= dnxcore50)) (&& (== net452) (< net45) (>= netstandard1.3)) (&& (== net46) (>= dnxcore50)) (&& (== net46) (< net45)) (&& (== net47) (>= dnxcore50)) (&& (== net47) (< net45)) (== netcoreapp3.0)
      System.Resources.ResourceManager (>= 4.3) - restriction: || (&& (== net45) (>= dnxcore50)) (&& (== net452) (>= dnxcore50)) (&& (== net452) (< net45) (>= netstandard1.3)) (&& (== net46) (>= dnxcore50)) (&& (== net46) (< net45)) (&& (== net47) (>= dnxcore50)) (&& (== net47) (< net45)) (== netcoreapp3.0)
      System.Runtime (>= 4.3) - restriction: || (&& (== net45) (>= dnxcore50)) (&& (== net452) (>= dnxcore50)) (&& (== net452) (< net45)) (&& (== net46) (>= dnxcore50)) (&& (== net46) (< net45)) (&& (== net47) (>= dnxcore50)) (&& (== net47) (< net45)) (== netcoreapp3.0)
      System.Runtime.Extensions (>= 4.3) - restriction: || (&& (== net45) (>= dnxcore50)) (&& (== net452) (>= dnxcore50)) (&& (== net452) (< net45) (>= netstandard1.3)) (&& (== net46) (>= dnxcore50)) (&& (== net46) (< net45)) (&& (== net47) (>= dnxcore50)) (&& (== net47) (< net45)) (== netcoreapp3.0)
      System.Threading (>= 4.3) - restriction: || (&& (== net45) (>= dnxcore50)) (&& (== net452) (>= dnxcore50)) (&& (== net452) (< net45) (>= netstandard1.3)) (&& (== net46) (>= dnxcore50)) (&& (== net46) (< net45)) (&& (== net47) (>= dnxcore50)) (&& (== net47) (< net45)) (== netcoreapp3.0)
    System.Globalization (4.3) - restriction: || (&& (== net45) (>= netcoreapp1.0)) (&& (== net452) (>= netcoreapp1.0)) (&& (== net46) (>= netcoreapp1.0)) (&& (== net47) (>= netcoreapp1.0)) (== netcoreapp3.0)
      Microsoft.NETCore.Platforms (>= 1.1) - restriction: || (&& (== net45) (>= dnxcore50)) (&& (== net452) (>= dnxcore50)) (&& (== net452) (< net45)) (&& (== net46) (>= dnxcore50)) (&& (== net46) (< net45)) (&& (== net47) (>= dnxcore50)) (&& (== net47) (< net45)) (== netcoreapp3.0)
      Microsoft.NETCore.Targets (>= 1.1) - restriction: || (&& (== net45) (>= dnxcore50)) (&& (== net452) (>= dnxcore50)) (&& (== net452) (< net45)) (&& (== net46) (>= dnxcore50)) (&& (== net46) (< net45)) (&& (== net47) (>= dnxcore50)) (&& (== net47) (< net45)) (== netcoreapp3.0)
      System.Runtime (>= 4.3) - restriction: || (&& (== net45) (>= dnxcore50)) (&& (== net452) (>= dnxcore50)) (&& (== net452) (< net45)) (&& (== net46) (>= dnxcore50)) (&& (== net46) (< net45)) (&& (== net47) (>= dnxcore50)) (&& (== net47) (< net45)) (== netcoreapp3.0)
    System.Globalization.Extensions (4.3) - restriction: || (&& (== net45) (>= netcoreapp1.0)) (&& (== net452) (>= netcoreapp1.0)) (&& (== net46) (>= netcoreapp1.0)) (&& (== net47) (>= netcoreapp1.0)) (== netcoreapp3.0)
      Microsoft.NETCore.Platforms (>= 1.1) - restriction: || (&& (== net45) (>= netstandard1.3)) (&& (== net452) (>= netstandard1.3)) (&& (== net47) (< net46)) (== netcoreapp3.0)
      System.Globalization (>= 4.3) - restriction: || (&& (== net45) (>= netstandard1.3)) (&& (== net452) (>= netstandard1.3)) (&& (== net47) (< net46)) (== netcoreapp3.0)
      System.Resources.ResourceManager (>= 4.3) - restriction: || (&& (== net45) (>= netstandard1.3)) (&& (== net452) (>= netstandard1.3)) (&& (== net47) (< net46)) (== netcoreapp3.0)
      System.Runtime (>= 4.3) - restriction: || (&& (== net45) (>= netstandard1.3)) (&& (== net452) (>= netstandard1.3)) (&& (== net47) (< net46)) (== netcoreapp3.0)
      System.Runtime.Extensions (>= 4.3) - restriction: || (&& (== net45) (>= netstandard1.3)) (&& (== net452) (>= netstandard1.3)) (&& (== net47) (< net46)) (== netcoreapp3.0)
      System.Runtime.InteropServices (>= 4.3) - restriction: || (&& (== net45) (>= netstandard1.3)) (&& (== net452) (>= netstandard1.3)) (&& (== net47) (< net46)) (== netcoreapp3.0)
    System.IO (4.3) - restriction: || (&& (== net45) (>= netcoreapp1.0)) (&& (== net452) (>= netcoreapp1.0)) (&& (== net46) (>= netcoreapp1.0)) (&& (== net47) (>= netcoreapp1.0)) (== netcoreapp3.0)
      Microsoft.NETCore.Platforms (>= 1.1) - restriction: || (&& (== net45) (>= dnxcore50)) (&& (== net452) (>= dnxcore50)) (&& (== net452) (< net45)) (&& (== net46) (>= dnxcore50)) (&& (== net46) (< net45)) (&& (== net47) (>= dnxcore50)) (&& (== net47) (< net45)) (== netcoreapp3.0)
      Microsoft.NETCore.Targets (>= 1.1) - restriction: || (&& (== net45) (>= dnxcore50)) (&& (== net452) (>= dnxcore50)) (&& (== net452) (< net45)) (&& (== net46) (>= dnxcore50)) (&& (== net46) (< net45)) (&& (== net47) (>= dnxcore50)) (&& (== net47) (< net45)) (== netcoreapp3.0)
      System.Runtime (>= 4.3) - restriction: || (&& (== net45) (>= dnxcore50)) (&& (== net452) (>= dnxcore50)) (&& (== net452) (< net45)) (&& (== net46) (>= dnxcore50)) (&& (== net46) (< net45)) (&& (== net47) (>= dnxcore50)) (&& (== net47) (< net45)) (== netcoreapp3.0)
      System.Text.Encoding (>= 4.3) - restriction: || (&& (== net45) (>= dnxcore50)) (&& (== net452) (>= dnxcore50)) (&& (== net452) (< net45)) (&& (== net46) (>= dnxcore50)) (&& (== net46) (< net45)) (&& (== net47) (>= dnxcore50)) (&& (== net47) (< net45)) (== netcoreapp3.0)
      System.Threading.Tasks (>= 4.3) - restriction: || (&& (== net45) (>= dnxcore50)) (&& (== net452) (>= dnxcore50)) (&& (== net452) (< net45)) (&& (== net46) (>= dnxcore50)) (&& (== net46) (< net45)) (&& (== net47) (>= dnxcore50)) (&& (== net47) (< net45)) (== netcoreapp3.0)
    System.IO.FileSystem (4.3) - restriction: || (&& (== net45) (>= netcoreapp1.0)) (&& (== net452) (>= netcoreapp1.0)) (&& (== net46) (>= netcoreapp1.0)) (&& (== net47) (>= netcoreapp1.0)) (== netcoreapp3.0)
      Microsoft.NETCore.Platforms (>= 1.1) - restriction: || (&& (== net45) (>= netstandard1.3)) (&& (== net452) (>= netstandard1.3)) (&& (== net47) (< net46)) (== netcoreapp3.0)
      Microsoft.NETCore.Targets (>= 1.1) - restriction: || (&& (== net45) (>= netstandard1.3)) (&& (== net452) (>= netstandard1.3)) (&& (== net47) (< net46)) (== netcoreapp3.0)
      System.IO (>= 4.3) - restriction: || (&& (== net45) (>= netstandard1.3)) (&& (== net452) (>= netstandard1.3)) (&& (== net47) (< net46)) (== netcoreapp3.0)
      System.IO.FileSystem.Primitives (>= 4.3) - restriction: || (&& (== net45) (>= net46)) (&& (== net45) (>= netstandard1.3)) (&& (== net452) (>= net46)) (&& (== net452) (>= netstandard1.3)) (== net46) (== net47) (== netcoreapp3.0)
      System.Runtime (>= 4.3) - restriction: || (&& (== net45) (>= netstandard1.3)) (&& (== net452) (>= netstandard1.3)) (&& (== net47) (< net46)) (== netcoreapp3.0)
      System.Runtime.Handles (>= 4.3) - restriction: || (&& (== net45) (>= netstandard1.3)) (&& (== net452) (>= netstandard1.3)) (&& (== net47) (< net46)) (== netcoreapp3.0)
      System.Text.Encoding (>= 4.3) - restriction: || (&& (== net45) (>= netstandard1.3)) (&& (== net452) (>= netstandard1.3)) (&& (== net47) (< net46)) (== netcoreapp3.0)
      System.Threading.Tasks (>= 4.3) - restriction: || (&& (== net45) (>= netstandard1.3)) (&& (== net452) (>= netstandard1.3)) (&& (== net47) (< net46)) (== netcoreapp3.0)
    System.IO.FileSystem.Primitives (4.3) - restriction: || (&& (== net45) (>= netcoreapp1.0)) (&& (== net452) (>= netcoreapp1.0)) (&& (== net46) (>= netcoreapp1.0)) (&& (== net47) (>= netcoreapp1.0)) (== netcoreapp3.0)
      System.Runtime (>= 4.3) - restriction: || (&& (== net45) (>= netstandard1.3)) (&& (== net452) (>= netstandard1.3)) (&& (== net47) (< net46)) (== netcoreapp3.0)
    System.Linq (4.3) - restriction: || (&& (== net45) (>= netcoreapp1.0)) (&& (== net452) (>= netcoreapp1.0)) (&& (== net46) (>= netcoreapp1.0)) (&& (== net47) (>= netcoreapp1.0)) (== netcoreapp3.0)
      System.Collections (>= 4.3) - restriction: || (&& (== net45) (>= dnxcore50)) (&& (== net452) (>= dnxcore50)) (&& (== net452) (< net45)) (&& (== net46) (>= dnxcore50)) (&& (== net46) (< net45)) (&& (== net47) (>= dnxcore50)) (&& (== net47) (< net45)) (== netcoreapp3.0)
      System.Diagnostics.Debug (>= 4.3) - restriction: || (&& (== net45) (>= dnxcore50)) (&& (== net452) (>= dnxcore50)) (&& (== net452) (< net45) (>= netstandard1.6)) (&& (== net46) (>= dnxcore50)) (&& (== net46) (< net45) (>= netstandard1.6)) (&& (== net47) (>= dnxcore50)) (&& (== net47) (< net45) (>= netstandard1.6)) (== netcoreapp3.0)
      System.Resources.ResourceManager (>= 4.3) - restriction: || (&& (== net45) (>= dnxcore50)) (&& (== net452) (>= dnxcore50)) (&& (== net452) (< net45) (>= netstandard1.6)) (&& (== net46) (>= dnxcore50)) (&& (== net46) (< net45) (>= netstandard1.6)) (&& (== net47) (>= dnxcore50)) (&& (== net47) (< net45) (>= netstandard1.6)) (== netcoreapp3.0)
      System.Runtime (>= 4.3) - restriction: || (&& (== net45) (>= dnxcore50)) (&& (== net452) (>= dnxcore50)) (&& (== net452) (< net45)) (&& (== net46) (>= dnxcore50)) (&& (== net46) (< net45)) (&& (== net47) (>= dnxcore50)) (&& (== net47) (< net45)) (== netcoreapp3.0)
      System.Runtime.Extensions (>= 4.3) - restriction: || (&& (== net45) (>= dnxcore50)) (&& (== net452) (>= dnxcore50)) (&& (== net452) (< net45) (>= netstandard1.6)) (&& (== net46) (>= dnxcore50)) (&& (== net46) (< net45) (>= netstandard1.6)) (&& (== net47) (>= dnxcore50)) (&& (== net47) (< net45) (>= netstandard1.6)) (== netcoreapp3.0)
    System.Linq.Expressions (4.3) - restriction: || (&& (== net45) (>= netcoreapp1.0)) (&& (== net452) (>= netcoreapp1.0)) (&& (== net46) (>= netcoreapp1.0)) (&& (== net47) (>= netcoreapp1.0)) (== netcoreapp3.0)
      System.Collections (>= 4.3) - restriction: || (&& (== net45) (>= dnxcore50)) (&& (== net452) (>= dnxcore50)) (&& (== net452) (< net45) (>= netstandard1.6)) (&& (== net46) (>= dnxcore50)) (&& (== net46) (< net45) (>= netstandard1.6)) (&& (== net47) (>= dnxcore50)) (&& (== net47) (< net45) (>= netstandard1.6)) (== netcoreapp3.0)
      System.Diagnostics.Debug (>= 4.3) - restriction: || (&& (== net45) (>= dnxcore50)) (&& (== net452) (>= dnxcore50)) (&& (== net452) (< net45) (>= netstandard1.6)) (&& (== net46) (>= dnxcore50)) (&& (== net46) (< net45) (>= netstandard1.6)) (&& (== net47) (>= dnxcore50)) (&& (== net47) (< net45) (>= netstandard1.6)) (== netcoreapp3.0)
      System.Globalization (>= 4.3) - restriction: || (&& (== net45) (>= dnxcore50)) (&& (== net452) (>= dnxcore50)) (&& (== net452) (< net45) (>= netstandard1.6)) (&& (== net46) (>= dnxcore50)) (&& (== net46) (< net45) (>= netstandard1.6)) (&& (== net47) (>= dnxcore50)) (&& (== net47) (< net45) (>= netstandard1.6)) (== netcoreapp3.0)
      System.IO (>= 4.3) - restriction: || (&& (== net45) (>= dnxcore50)) (&& (== net452) (>= dnxcore50)) (&& (== net452) (< net45) (>= netstandard1.6)) (&& (== net46) (>= dnxcore50)) (&& (== net46) (< net45) (>= netstandard1.6)) (&& (== net47) (>= dnxcore50)) (&& (== net47) (< net45) (>= netstandard1.6)) (== netcoreapp3.0)
      System.Linq (>= 4.3) - restriction: || (&& (== net45) (>= dnxcore50)) (&& (== net452) (>= dnxcore50)) (&& (== net452) (< net45) (>= netstandard1.6)) (&& (== net46) (>= dnxcore50)) (&& (== net46) (< net45) (>= netstandard1.6)) (&& (== net47) (>= dnxcore50)) (&& (== net47) (< net45) (>= netstandard1.6)) (== netcoreapp3.0)
      System.ObjectModel (>= 4.3) - restriction: || (&& (== net452) (< net45) (>= netstandard1.6)) (&& (== net46) (< net45) (>= netstandard1.6)) (&& (== net47) (< net45) (>= netstandard1.6)) (== netcoreapp3.0)
      System.Reflection (>= 4.3) - restriction: || (&& (== net45) (>= dnxcore50)) (&& (== net452) (>= dnxcore50)) (&& (== net452) (< net45)) (&& (== net46) (>= dnxcore50)) (&& (== net46) (< net45)) (&& (== net47) (>= dnxcore50)) (&& (== net47) (< net45)) (== netcoreapp3.0)
      System.Reflection.Emit (>= 4.3) - restriction: || (&& (== net452) (< net45) (>= netstandard1.6)) (&& (== net46) (< net45) (>= netstandard1.6)) (&& (== net47) (< net45) (>= netstandard1.6)) (== netcoreapp3.0)
      System.Reflection.Emit.ILGeneration (>= 4.3) - restriction: || (&& (== net45) (>= dnxcore50)) (&& (== net452) (>= dnxcore50)) (&& (== net452) (< net45) (>= netstandard1.6)) (&& (== net46) (>= dnxcore50)) (&& (== net46) (< net45) (>= netstandard1.6)) (&& (== net47) (>= dnxcore50)) (&& (== net47) (< net45) (>= netstandard1.6)) (== netcoreapp3.0)
      System.Reflection.Emit.Lightweight (>= 4.3) - restriction: || (&& (== net45) (>= dnxcore50)) (&& (== net452) (>= dnxcore50)) (&& (== net452) (< net45) (>= netstandard1.6)) (&& (== net46) (>= dnxcore50)) (&& (== net46) (< net45) (>= netstandard1.6)) (&& (== net47) (>= dnxcore50)) (&& (== net47) (< net45) (>= netstandard1.6)) (== netcoreapp3.0)
      System.Reflection.Extensions (>= 4.3) - restriction: || (&& (== net45) (>= dnxcore50)) (&& (== net452) (>= dnxcore50)) (&& (== net452) (< net45) (>= netstandard1.6)) (&& (== net46) (>= dnxcore50)) (&& (== net46) (< net45) (>= netstandard1.6)) (&& (== net47) (>= dnxcore50)) (&& (== net47) (< net45) (>= netstandard1.6)) (== netcoreapp3.0)
      System.Reflection.Primitives (>= 4.3) - restriction: || (&& (== net45) (>= dnxcore50)) (&& (== net452) (>= dnxcore50)) (&& (== net452) (< net45) (>= netstandard1.6)) (&& (== net46) (>= dnxcore50)) (&& (== net46) (< net45) (>= netstandard1.6)) (&& (== net47) (>= dnxcore50)) (&& (== net47) (< net45) (>= netstandard1.6)) (== netcoreapp3.0)
      System.Reflection.TypeExtensions (>= 4.3) - restriction: || (&& (== net45) (>= dnxcore50)) (&& (== net452) (>= dnxcore50)) (&& (== net452) (< net45) (>= netstandard1.6)) (&& (== net46) (>= dnxcore50)) (&& (== net46) (< net45) (>= netstandard1.6)) (&& (== net47) (>= dnxcore50)) (&& (== net47) (< net45) (>= netstandard1.6)) (== netcoreapp3.0)
      System.Resources.ResourceManager (>= 4.3) - restriction: || (&& (== net45) (>= dnxcore50)) (&& (== net452) (>= dnxcore50)) (&& (== net452) (< net45) (>= netstandard1.6)) (&& (== net46) (>= dnxcore50)) (&& (== net46) (< net45) (>= netstandard1.6)) (&& (== net47) (>= dnxcore50)) (&& (== net47) (< net45) (>= netstandard1.6)) (== netcoreapp3.0)
      System.Runtime (>= 4.3) - restriction: || (&& (== net45) (>= dnxcore50)) (&& (== net452) (>= dnxcore50)) (&& (== net452) (< net45)) (&& (== net46) (>= dnxcore50)) (&& (== net46) (< net45)) (&& (== net47) (>= dnxcore50)) (&& (== net47) (< net45)) (== netcoreapp3.0)
      System.Runtime.Extensions (>= 4.3) - restriction: || (&& (== net45) (>= dnxcore50)) (&& (== net452) (>= dnxcore50)) (&& (== net452) (< net45) (>= netstandard1.6)) (&& (== net46) (>= dnxcore50)) (&& (== net46) (< net45) (>= netstandard1.6)) (&& (== net47) (>= dnxcore50)) (&& (== net47) (< net45) (>= netstandard1.6)) (== netcoreapp3.0)
      System.Threading (>= 4.3) - restriction: || (&& (== net45) (>= dnxcore50)) (&& (== net452) (>= dnxcore50)) (&& (== net452) (< net45) (>= netstandard1.6)) (&& (== net46) (>= dnxcore50)) (&& (== net46) (< net45) (>= netstandard1.6)) (&& (== net47) (>= dnxcore50)) (&& (== net47) (< net45) (>= netstandard1.6)) (== netcoreapp3.0)
    System.ObjectModel (4.3) - restriction: || (&& (== net45) (>= netcoreapp1.0)) (&& (== net452) (>= netcoreapp1.0)) (&& (== net46) (>= netcoreapp1.0)) (&& (== net47) (>= netcoreapp1.0)) (== netcoreapp3.0)
      System.Collections (>= 4.3) - restriction: || (&& (== net45) (>= dnxcore50)) (&& (== net452) (>= dnxcore50)) (&& (== net452) (< net45) (>= netstandard1.3)) (&& (== net46) (>= dnxcore50)) (&& (== net46) (< net45)) (&& (== net47) (>= dnxcore50)) (&& (== net47) (< net45)) (== netcoreapp3.0)
      System.Diagnostics.Debug (>= 4.3) - restriction: || (&& (== net45) (>= dnxcore50)) (&& (== net452) (>= dnxcore50)) (&& (== net452) (< net45) (>= netstandard1.3)) (&& (== net46) (>= dnxcore50)) (&& (== net46) (< net45)) (&& (== net47) (>= dnxcore50)) (&& (== net47) (< net45)) (== netcoreapp3.0)
      System.Resources.ResourceManager (>= 4.3) - restriction: || (&& (== net45) (>= dnxcore50)) (&& (== net452) (>= dnxcore50)) (&& (== net452) (< net45) (>= netstandard1.3)) (&& (== net46) (>= dnxcore50)) (&& (== net46) (< net45)) (&& (== net47) (>= dnxcore50)) (&& (== net47) (< net45)) (== netcoreapp3.0)
      System.Runtime (>= 4.3) - restriction: || (&& (== net45) (>= dnxcore50)) (&& (== net452) (>= dnxcore50)) (&& (== net452) (< net45)) (&& (== net46) (>= dnxcore50)) (&& (== net46) (< net45)) (&& (== net47) (>= dnxcore50)) (&& (== net47) (< net45)) (== netcoreapp3.0)
      System.Threading (>= 4.3) - restriction: || (&& (== net45) (>= dnxcore50)) (&& (== net452) (>= dnxcore50)) (&& (== net452) (< net45) (>= netstandard1.3)) (&& (== net46) (>= dnxcore50)) (&& (== net46) (< net45)) (&& (== net47) (>= dnxcore50)) (&& (== net47) (< net45)) (== netcoreapp3.0)
    System.Private.DataContractSerialization (4.3) - restriction: || (&& (== net45) (>= netcoreapp1.0)) (&& (== net452) (>= netcoreapp1.0)) (&& (== net46) (>= netcoreapp1.0)) (&& (== net47) (>= netcoreapp1.0)) (== netcoreapp3.0)
      System.Collections (>= 4.3) - restriction: || (&& (== net45) (>= dnxcore50)) (&& (== net45) (>= netstandard1.3)) (&& (== net452) (>= dnxcore50)) (&& (== net452) (>= netstandard1.3)) (&& (== net46) (>= dnxcore50)) (&& (== net47) (>= dnxcore50)) (&& (== net47) (< net46)) (== netcoreapp3.0)
      System.Collections.Concurrent (>= 4.3) - restriction: || (&& (== net45) (>= dnxcore50)) (&& (== net45) (>= netstandard1.3)) (&& (== net452) (>= dnxcore50)) (&& (== net452) (>= netstandard1.3)) (&& (== net46) (>= dnxcore50)) (&& (== net47) (>= dnxcore50)) (&& (== net47) (< net46)) (== netcoreapp3.0)
      System.Diagnostics.Debug (>= 4.3) - restriction: || (&& (== net45) (>= dnxcore50)) (&& (== net45) (>= netstandard1.3)) (&& (== net452) (>= dnxcore50)) (&& (== net452) (>= netstandard1.3)) (&& (== net46) (>= dnxcore50)) (&& (== net47) (>= dnxcore50)) (&& (== net47) (< net46)) (== netcoreapp3.0)
      System.Globalization (>= 4.3) - restriction: || (&& (== net45) (>= dnxcore50)) (&& (== net45) (>= netstandard1.3)) (&& (== net452) (>= dnxcore50)) (&& (== net452) (>= netstandard1.3)) (&& (== net46) (>= dnxcore50)) (&& (== net47) (>= dnxcore50)) (&& (== net47) (< net46)) (== netcoreapp3.0)
      System.IO (>= 4.3) - restriction: || (&& (== net45) (>= dnxcore50)) (&& (== net45) (>= netstandard1.3)) (&& (== net452) (>= dnxcore50)) (&& (== net452) (>= netstandard1.3)) (&& (== net46) (>= dnxcore50)) (&& (== net47) (>= dnxcore50)) (&& (== net47) (< net46)) (== netcoreapp3.0)
      System.Linq (>= 4.3) - restriction: || (&& (== net45) (>= dnxcore50)) (&& (== net45) (>= netstandard1.3)) (&& (== net452) (>= dnxcore50)) (&& (== net452) (>= netstandard1.3)) (&& (== net46) (>= dnxcore50)) (&& (== net47) (>= dnxcore50)) (&& (== net47) (< net46)) (== netcoreapp3.0)
      System.Reflection (>= 4.3) - restriction: || (&& (== net45) (>= dnxcore50)) (&& (== net45) (>= netstandard1.3)) (&& (== net452) (>= dnxcore50)) (&& (== net452) (>= netstandard1.3)) (&& (== net46) (>= dnxcore50)) (&& (== net47) (>= dnxcore50)) (&& (== net47) (< net46)) (== netcoreapp3.0)
      System.Reflection.Emit.ILGeneration (>= 4.3) - restriction: || (&& (== net45) (>= netstandard1.3)) (&& (== net452) (>= netstandard1.3)) (&& (== net47) (< net46)) (== netcoreapp3.0)
      System.Reflection.Emit.Lightweight (>= 4.3) - restriction: || (&& (== net45) (>= netstandard1.3)) (&& (== net452) (>= netstandard1.3)) (&& (== net47) (< net46)) (== netcoreapp3.0)
      System.Reflection.Extensions (>= 4.3) - restriction: || (&& (== net45) (>= dnxcore50)) (&& (== net45) (>= netstandard1.3)) (&& (== net452) (>= dnxcore50)) (&& (== net452) (>= netstandard1.3)) (&& (== net46) (>= dnxcore50)) (&& (== net47) (>= dnxcore50)) (&& (== net47) (< net46)) (== netcoreapp3.0)
      System.Reflection.Primitives (>= 4.3) - restriction: || (&& (== net45) (>= dnxcore50)) (&& (== net45) (>= netstandard1.3)) (&& (== net452) (>= dnxcore50)) (&& (== net452) (>= netstandard1.3)) (&& (== net46) (>= dnxcore50)) (&& (== net47) (>= dnxcore50)) (&& (== net47) (< net46)) (== netcoreapp3.0)
      System.Reflection.TypeExtensions (>= 4.3) - restriction: || (&& (== net45) (>= dnxcore50)) (&& (== net45) (>= net46)) (&& (== net45) (>= netstandard1.3)) (&& (== net452) (>= dnxcore50)) (&& (== net452) (>= net46)) (&& (== net452) (>= netstandard1.3)) (== net46) (== net47) (== netcoreapp3.0)
      System.Resources.ResourceManager (>= 4.3) - restriction: || (&& (== net45) (>= dnxcore50)) (&& (== net45) (>= netstandard1.3)) (&& (== net452) (>= dnxcore50)) (&& (== net452) (>= netstandard1.3)) (&& (== net46) (>= dnxcore50)) (&& (== net47) (>= dnxcore50)) (&& (== net47) (< net46)) (== netcoreapp3.0)
      System.Runtime (>= 4.3) - restriction: || (&& (== net45) (>= dnxcore50)) (&& (== net45) (>= netstandard1.3)) (&& (== net452) (>= dnxcore50)) (&& (== net452) (>= netstandard1.3)) (&& (== net46) (>= dnxcore50)) (&& (== net47) (>= dnxcore50)) (&& (== net47) (< net46)) (== netcoreapp3.0)
      System.Runtime.Extensions (>= 4.3) - restriction: || (&& (== net45) (>= dnxcore50)) (&& (== net45) (>= netstandard1.3)) (&& (== net452) (>= dnxcore50)) (&& (== net452) (>= netstandard1.3)) (&& (== net46) (>= dnxcore50)) (&& (== net47) (>= dnxcore50)) (&& (== net47) (< net46)) (== netcoreapp3.0)
      System.Runtime.Serialization.Primitives (>= 4.3) - restriction: || (&& (== net45) (>= dnxcore50)) (&& (== net45) (>= net46)) (&& (== net45) (>= netstandard1.3)) (&& (== net452) (>= dnxcore50)) (&& (== net452) (>= net46)) (&& (== net452) (>= netstandard1.3)) (== net46) (== net47) (== netcoreapp3.0)
      System.Text.Encoding (>= 4.3) - restriction: || (&& (== net45) (>= dnxcore50)) (&& (== net45) (>= netstandard1.3)) (&& (== net452) (>= dnxcore50)) (&& (== net452) (>= netstandard1.3)) (&& (== net46) (>= dnxcore50)) (&& (== net47) (>= dnxcore50)) (&& (== net47) (< net46)) (== netcoreapp3.0)
      System.Text.Encoding.Extensions (>= 4.3) - restriction: || (&& (== net45) (>= dnxcore50)) (&& (== net45) (>= netstandard1.3)) (&& (== net452) (>= dnxcore50)) (&& (== net452) (>= netstandard1.3)) (&& (== net46) (>= dnxcore50)) (&& (== net47) (>= dnxcore50)) (&& (== net47) (< net46)) (== netcoreapp3.0)
      System.Text.RegularExpressions (>= 4.3) - restriction: || (&& (== net45) (>= dnxcore50)) (&& (== net45) (>= netstandard1.3)) (&& (== net452) (>= dnxcore50)) (&& (== net452) (>= netstandard1.3)) (&& (== net46) (>= dnxcore50)) (&& (== net47) (>= dnxcore50)) (&& (== net47) (< net46)) (== netcoreapp3.0)
      System.Threading (>= 4.3) - restriction: || (&& (== net45) (>= dnxcore50)) (&& (== net45) (>= netstandard1.3)) (&& (== net452) (>= dnxcore50)) (&& (== net452) (>= netstandard1.3)) (&& (== net46) (>= dnxcore50)) (&& (== net47) (>= dnxcore50)) (&& (== net47) (< net46)) (== netcoreapp3.0)
      System.Threading.Tasks (>= 4.3) - restriction: || (&& (== net45) (>= dnxcore50)) (&& (== net45) (>= netstandard1.3)) (&& (== net452) (>= dnxcore50)) (&& (== net452) (>= netstandard1.3)) (&& (== net46) (>= dnxcore50)) (&& (== net47) (>= dnxcore50)) (&& (== net47) (< net46)) (== netcoreapp3.0)
      System.Xml.ReaderWriter (>= 4.3) - restriction: || (&& (== net45) (>= dnxcore50)) (&& (== net45) (>= netstandard1.3)) (&& (== net452) (>= dnxcore50)) (&& (== net452) (>= netstandard1.3)) (&& (== net46) (>= dnxcore50)) (&& (== net47) (>= dnxcore50)) (&& (== net47) (< net46)) (== netcoreapp3.0)
      System.Xml.XDocument (>= 4.3) - restriction: || (&& (== net45) (>= dnxcore50)) (&& (== net45) (>= netstandard1.3)) (&& (== net452) (>= dnxcore50)) (&& (== net452) (>= netstandard1.3)) (&& (== net46) (>= dnxcore50)) (&& (== net47) (>= dnxcore50)) (&& (== net47) (< net46)) (== netcoreapp3.0)
      System.Xml.XmlDocument (>= 4.3) - restriction: || (&& (== net45) (>= dnxcore50)) (&& (== net45) (>= net46)) (&& (== net45) (>= netstandard1.3)) (&& (== net452) (>= dnxcore50)) (&& (== net452) (>= net46)) (&& (== net452) (>= netstandard1.3)) (== net46) (== net47) (== netcoreapp3.0)
      System.Xml.XmlSerializer (>= 4.3) - restriction: || (&& (== net45) (>= dnxcore50)) (&& (== net45) (>= netstandard1.3)) (&& (== net452) (>= dnxcore50)) (&& (== net452) (>= netstandard1.3)) (&& (== net46) (>= dnxcore50)) (&& (== net47) (>= dnxcore50)) (&& (== net47) (< net46)) (== netcoreapp3.0)
    System.Reflection (4.3) - restriction: || (&& (== net45) (>= netcoreapp1.0)) (&& (== net452) (>= netcoreapp1.0)) (&& (== net46) (>= netcoreapp1.0)) (&& (== net47) (>= netcoreapp1.0)) (== netcoreapp3.0)
      Microsoft.NETCore.Platforms (>= 1.1) - restriction: || (&& (== net45) (>= dnxcore50)) (&& (== net452) (>= dnxcore50)) (&& (== net452) (< net45)) (&& (== net46) (>= dnxcore50)) (&& (== net46) (< net45)) (&& (== net47) (>= dnxcore50)) (&& (== net47) (< net45)) (== netcoreapp3.0)
      Microsoft.NETCore.Targets (>= 1.1) - restriction: || (&& (== net45) (>= dnxcore50)) (&& (== net452) (>= dnxcore50)) (&& (== net452) (< net45)) (&& (== net46) (>= dnxcore50)) (&& (== net46) (< net45)) (&& (== net47) (>= dnxcore50)) (&& (== net47) (< net45)) (== netcoreapp3.0)
      System.IO (>= 4.3) - restriction: || (&& (== net45) (>= dnxcore50)) (&& (== net452) (>= dnxcore50)) (&& (== net452) (< net45)) (&& (== net46) (>= dnxcore50)) (&& (== net46) (< net45)) (&& (== net47) (>= dnxcore50)) (&& (== net47) (< net45)) (== netcoreapp3.0)
      System.Reflection.Primitives (>= 4.3) - restriction: || (&& (== net45) (>= dnxcore50)) (&& (== net452) (>= dnxcore50)) (&& (== net452) (< net45)) (&& (== net46) (>= dnxcore50)) (&& (== net46) (< net45)) (&& (== net47) (>= dnxcore50)) (&& (== net47) (< net45)) (== netcoreapp3.0)
      System.Runtime (>= 4.3) - restriction: || (&& (== net45) (>= dnxcore50)) (&& (== net452) (>= dnxcore50)) (&& (== net452) (< net45)) (&& (== net46) (>= dnxcore50)) (&& (== net46) (< net45)) (&& (== net47) (>= dnxcore50)) (&& (== net47) (< net45)) (== netcoreapp3.0)
    System.Reflection.Emit (4.3) - restriction: || (&& (== net45) (>= netcoreapp1.0)) (&& (== net452) (>= netcoreapp1.0)) (&& (== net46) (>= netcoreapp1.0)) (&& (== net47) (>= netcoreapp1.0)) (== netcoreapp3.0)
      System.IO (>= 4.3) - restriction: || (&& (== net452) (< net45)) (&& (== net46) (< net45)) (&& (== net47) (< net45)) (== netcoreapp3.0)
      System.Reflection (>= 4.3) - restriction: || (&& (== net452) (< net45)) (&& (== net46) (< net45)) (&& (== net47) (< net45)) (== netcoreapp3.0)
      System.Reflection.Emit.ILGeneration (>= 4.3) - restriction: || (&& (== net452) (< net45)) (&& (== net46) (< net45)) (&& (== net47) (< net45)) (== netcoreapp3.0)
      System.Reflection.Primitives (>= 4.3) - restriction: || (&& (== net452) (< net45)) (&& (== net46) (< net45)) (&& (== net47) (< net45)) (== netcoreapp3.0)
      System.Runtime (>= 4.3) - restriction: || (&& (== net452) (< net45)) (&& (== net46) (< net45)) (&& (== net47) (< net45)) (== netcoreapp3.0)
    System.Reflection.Emit.ILGeneration (4.3) - restriction: || (&& (== net45) (>= netcoreapp1.0)) (&& (== net452) (>= netcoreapp1.0)) (&& (== net46) (>= netcoreapp1.0)) (&& (== net47) (>= netcoreapp1.0)) (== netcoreapp3.0)
      System.Reflection (>= 4.3) - restriction: || (&& (== net452) (< net45)) (&& (== net46) (< net45)) (&& (== net47) (< net45)) (== netcoreapp3.0)
      System.Reflection.Primitives (>= 4.3) - restriction: || (&& (== net452) (< net45)) (&& (== net46) (< net45)) (&& (== net47) (< net45)) (== netcoreapp3.0)
      System.Runtime (>= 4.3) - restriction: || (&& (== net452) (< net45)) (&& (== net46) (< net45)) (&& (== net47) (< net45)) (== netcoreapp3.0)
    System.Reflection.Emit.Lightweight (4.3) - restriction: || (&& (== net45) (>= netcoreapp1.0)) (&& (== net452) (>= netcoreapp1.0)) (&& (== net46) (>= netcoreapp1.0)) (&& (== net47) (>= netcoreapp1.0)) (== netcoreapp3.0)
      System.Reflection (>= 4.3) - restriction: || (&& (== net452) (< net45)) (&& (== net46) (< net45)) (&& (== net47) (< net45)) (== netcoreapp3.0)
      System.Reflection.Emit.ILGeneration (>= 4.3) - restriction: || (&& (== net452) (< net45)) (&& (== net46) (< net45)) (&& (== net47) (< net45)) (== netcoreapp3.0)
      System.Reflection.Primitives (>= 4.3) - restriction: || (&& (== net452) (< net45)) (&& (== net46) (< net45)) (&& (== net47) (< net45)) (== netcoreapp3.0)
      System.Runtime (>= 4.3) - restriction: || (&& (== net452) (< net45)) (&& (== net46) (< net45)) (&& (== net47) (< net45)) (== netcoreapp3.0)
    System.Reflection.Extensions (4.3) - restriction: || (&& (== net45) (>= netcoreapp1.0)) (&& (== net452) (>= netcoreapp1.0)) (&& (== net46) (>= netcoreapp1.0)) (&& (== net47) (>= netcoreapp1.0)) (== netcoreapp3.0)
      Microsoft.NETCore.Platforms (>= 1.1) - restriction: || (&& (== net45) (>= dnxcore50)) (&& (== net452) (>= dnxcore50)) (&& (== net452) (< net45)) (&& (== net46) (>= dnxcore50)) (&& (== net46) (< net45)) (&& (== net47) (>= dnxcore50)) (&& (== net47) (< net45)) (== netcoreapp3.0)
      Microsoft.NETCore.Targets (>= 1.1) - restriction: || (&& (== net45) (>= dnxcore50)) (&& (== net452) (>= dnxcore50)) (&& (== net452) (< net45)) (&& (== net46) (>= dnxcore50)) (&& (== net46) (< net45)) (&& (== net47) (>= dnxcore50)) (&& (== net47) (< net45)) (== netcoreapp3.0)
      System.Reflection (>= 4.3) - restriction: || (&& (== net45) (>= dnxcore50)) (&& (== net452) (>= dnxcore50)) (&& (== net452) (< net45)) (&& (== net46) (>= dnxcore50)) (&& (== net46) (< net45)) (&& (== net47) (>= dnxcore50)) (&& (== net47) (< net45)) (== netcoreapp3.0)
      System.Runtime (>= 4.3) - restriction: || (&& (== net45) (>= dnxcore50)) (&& (== net452) (>= dnxcore50)) (&& (== net452) (< net45)) (&& (== net46) (>= dnxcore50)) (&& (== net46) (< net45)) (&& (== net47) (>= dnxcore50)) (&& (== net47) (< net45)) (== netcoreapp3.0)
    System.Reflection.Metadata (1.6) - restriction: || (&& (== net45) (>= netcoreapp1.0)) (&& (== net452) (>= netcoreapp1.0)) (&& (== net46) (>= netcoreapp1.0)) (&& (== net47) (>= netcoreapp1.0)) (== netcoreapp3.0)
    System.Reflection.Primitives (4.3) - restriction: || (&& (== net45) (>= netcoreapp1.0)) (&& (== net452) (>= netcoreapp1.0)) (&& (== net46) (>= netcoreapp1.0)) (&& (== net47) (>= netcoreapp1.0)) (== netcoreapp3.0)
      Microsoft.NETCore.Platforms (>= 1.1) - restriction: || (&& (== net45) (>= dnxcore50)) (&& (== net452) (>= dnxcore50)) (&& (== net452) (< net45)) (&& (== net46) (>= dnxcore50)) (&& (== net46) (< net45)) (&& (== net47) (>= dnxcore50)) (&& (== net47) (< net45)) (== netcoreapp3.0)
      Microsoft.NETCore.Targets (>= 1.1) - restriction: || (&& (== net45) (>= dnxcore50)) (&& (== net452) (>= dnxcore50)) (&& (== net452) (< net45)) (&& (== net46) (>= dnxcore50)) (&& (== net46) (< net45)) (&& (== net47) (>= dnxcore50)) (&& (== net47) (< net45)) (== netcoreapp3.0)
      System.Runtime (>= 4.3) - restriction: || (&& (== net45) (>= dnxcore50)) (&& (== net452) (>= dnxcore50)) (&& (== net452) (< net45)) (&& (== net46) (>= dnxcore50)) (&& (== net46) (< net45)) (&& (== net47) (>= dnxcore50)) (&& (== net47) (< net45)) (== netcoreapp3.0)
    System.Reflection.TypeExtensions (4.5.1) - restriction: || (&& (== net45) (>= netcoreapp1.0)) (&& (== net452) (>= netcoreapp1.0)) (&& (== net46) (>= netcoreapp1.0)) (&& (== net47) (>= netcoreapp1.0)) (== netcoreapp3.0)
    System.Resources.ResourceManager (4.3) - restriction: || (&& (== net45) (>= netcoreapp1.0)) (&& (== net452) (>= netcoreapp1.0)) (&& (== net46) (>= netcoreapp1.0)) (&& (== net47) (>= netcoreapp1.0)) (== netcoreapp3.0)
      Microsoft.NETCore.Platforms (>= 1.1) - restriction: || (&& (== net45) (>= dnxcore50)) (&& (== net452) (>= dnxcore50)) (&& (== net452) (< net45)) (&& (== net46) (>= dnxcore50)) (&& (== net46) (< net45)) (&& (== net47) (>= dnxcore50)) (&& (== net47) (< net45)) (== netcoreapp3.0)
      Microsoft.NETCore.Targets (>= 1.1) - restriction: || (&& (== net45) (>= dnxcore50)) (&& (== net452) (>= dnxcore50)) (&& (== net452) (< net45)) (&& (== net46) (>= dnxcore50)) (&& (== net46) (< net45)) (&& (== net47) (>= dnxcore50)) (&& (== net47) (< net45)) (== netcoreapp3.0)
      System.Globalization (>= 4.3) - restriction: || (&& (== net45) (>= dnxcore50)) (&& (== net452) (>= dnxcore50)) (&& (== net452) (< net45)) (&& (== net46) (>= dnxcore50)) (&& (== net46) (< net45)) (&& (== net47) (>= dnxcore50)) (&& (== net47) (< net45)) (== netcoreapp3.0)
      System.Reflection (>= 4.3) - restriction: || (&& (== net45) (>= dnxcore50)) (&& (== net452) (>= dnxcore50)) (&& (== net452) (< net45)) (&& (== net46) (>= dnxcore50)) (&& (== net46) (< net45)) (&& (== net47) (>= dnxcore50)) (&& (== net47) (< net45)) (== netcoreapp3.0)
      System.Runtime (>= 4.3) - restriction: || (&& (== net45) (>= dnxcore50)) (&& (== net452) (>= dnxcore50)) (&& (== net452) (< net45)) (&& (== net46) (>= dnxcore50)) (&& (== net46) (< net45)) (&& (== net47) (>= dnxcore50)) (&& (== net47) (< net45)) (== netcoreapp3.0)
    System.Runtime (4.3) - restriction: || (&& (== net45) (>= netcoreapp1.0)) (&& (== net452) (>= netcoreapp1.0)) (&& (== net46) (>= netcoreapp1.0)) (&& (== net47) (>= netcoreapp1.0)) (== netcoreapp3.0)
      Microsoft.NETCore.Platforms (>= 1.1) - restriction: || (&& (== net45) (>= dnxcore50)) (&& (== net452) (>= dnxcore50)) (&& (== net452) (< net45)) (&& (== net46) (>= dnxcore50)) (&& (== net46) (< net45)) (&& (== net47) (>= dnxcore50)) (&& (== net47) (< net45)) (== netcoreapp3.0)
      Microsoft.NETCore.Targets (>= 1.1) - restriction: || (&& (== net45) (>= dnxcore50)) (&& (== net452) (>= dnxcore50)) (&& (== net452) (< net45)) (&& (== net46) (>= dnxcore50)) (&& (== net46) (< net45)) (&& (== net47) (>= dnxcore50)) (&& (== net47) (< net45)) (== netcoreapp3.0)
    System.Runtime.Extensions (4.3) - restriction: || (&& (== net45) (>= netcoreapp1.0)) (&& (== net452) (>= netcoreapp1.0)) (&& (== net46) (>= netcoreapp1.0)) (&& (== net47) (>= netcoreapp1.0)) (== netcoreapp3.0)
      Microsoft.NETCore.Platforms (>= 1.1) - restriction: || (&& (== net45) (>= dnxcore50)) (&& (== net452) (>= dnxcore50)) (&& (== net452) (< net45)) (&& (== net46) (>= dnxcore50)) (&& (== net46) (< net45)) (&& (== net47) (>= dnxcore50)) (&& (== net47) (< net45)) (== netcoreapp3.0)
      Microsoft.NETCore.Targets (>= 1.1) - restriction: || (&& (== net45) (>= dnxcore50)) (&& (== net452) (>= dnxcore50)) (&& (== net452) (< net45)) (&& (== net46) (>= dnxcore50)) (&& (== net46) (< net45)) (&& (== net47) (>= dnxcore50)) (&& (== net47) (< net45)) (== netcoreapp3.0)
      System.Runtime (>= 4.3) - restriction: || (&& (== net45) (>= dnxcore50)) (&& (== net452) (>= dnxcore50)) (&& (== net452) (< net45)) (&& (== net46) (>= dnxcore50)) (&& (== net46) (< net45)) (&& (== net47) (>= dnxcore50)) (&& (== net47) (< net45)) (== netcoreapp3.0)
    System.Runtime.Handles (4.3) - restriction: || (&& (== net45) (>= netcoreapp1.0)) (&& (== net452) (>= netcoreapp1.0)) (&& (== net46) (>= netcoreapp1.0)) (&& (== net47) (>= netcoreapp1.0)) (== netcoreapp3.0)
      Microsoft.NETCore.Platforms (>= 1.1) - restriction: || (&& (== net45) (>= netstandard1.3)) (&& (== net452) (>= netstandard1.3)) (&& (== net47) (< net46)) (== netcoreapp3.0)
      Microsoft.NETCore.Targets (>= 1.1) - restriction: || (&& (== net45) (>= netstandard1.3)) (&& (== net452) (>= netstandard1.3)) (&& (== net47) (< net46)) (== netcoreapp3.0)
      System.Runtime (>= 4.3) - restriction: || (&& (== net45) (>= netstandard1.3)) (&& (== net452) (>= netstandard1.3)) (&& (== net47) (< net46)) (== netcoreapp3.0)
    System.Runtime.InteropServices (4.3) - restriction: || (&& (== net45) (>= netcoreapp1.0)) (&& (== net452) (>= netcoreapp1.0)) (&& (== net46) (>= netcoreapp1.0)) (&& (== net47) (>= netcoreapp1.0)) (== netcoreapp3.0)
      Microsoft.NETCore.Platforms (>= 1.1) - restriction: || (&& (== net45) (>= dnxcore50)) (&& (== net45) (>= netcoreapp1.1)) (&& (== net452) (>= dnxcore50)) (&& (== net452) (< net45)) (&& (== net452) (>= netcoreapp1.1)) (&& (== net46) (>= dnxcore50)) (&& (== net46) (< net45)) (&& (== net46) (>= netcoreapp1.1)) (&& (== net47) (>= dnxcore50)) (&& (== net47) (< net45)) (&& (== net47) (>= netcoreapp1.1)) (== netcoreapp3.0)
      Microsoft.NETCore.Targets (>= 1.1) - restriction: || (&& (== net45) (>= dnxcore50)) (&& (== net45) (>= netcoreapp1.1)) (&& (== net452) (>= dnxcore50)) (&& (== net452) (< net45)) (&& (== net452) (>= netcoreapp1.1)) (&& (== net46) (>= dnxcore50)) (&& (== net46) (< net45)) (&& (== net46) (>= netcoreapp1.1)) (&& (== net47) (>= dnxcore50)) (&& (== net47) (< net45)) (&& (== net47) (>= netcoreapp1.1)) (== netcoreapp3.0)
      System.Reflection (>= 4.3) - restriction: || (&& (== net45) (>= dnxcore50)) (&& (== net45) (>= netcoreapp1.1)) (&& (== net452) (>= dnxcore50)) (&& (== net452) (< net45)) (&& (== net452) (>= netcoreapp1.1)) (&& (== net46) (>= dnxcore50)) (&& (== net46) (< net45)) (&& (== net46) (>= netcoreapp1.1)) (&& (== net47) (>= dnxcore50)) (&& (== net47) (< net45)) (&& (== net47) (>= netcoreapp1.1)) (== netcoreapp3.0)
      System.Reflection.Primitives (>= 4.3) - restriction: || (&& (== net45) (>= dnxcore50)) (&& (== net45) (>= netcoreapp1.1)) (&& (== net452) (>= dnxcore50)) (&& (== net452) (< net45)) (&& (== net452) (>= netcoreapp1.1)) (&& (== net46) (>= dnxcore50)) (&& (== net46) (< net45)) (&& (== net46) (>= netcoreapp1.1)) (&& (== net47) (>= dnxcore50)) (&& (== net47) (< net45)) (&& (== net47) (>= netcoreapp1.1)) (== netcoreapp3.0)
      System.Runtime (>= 4.3) - restriction: || (&& (== net45) (>= dnxcore50)) (&& (== net45) (>= net462)) (&& (== net45) (>= netcoreapp1.1)) (&& (== net452) (>= dnxcore50)) (&& (== net452) (< net45)) (&& (== net452) (>= net462)) (&& (== net452) (>= netcoreapp1.1)) (&& (== net46) (>= dnxcore50)) (&& (== net46) (< net45)) (&& (== net46) (>= net462)) (&& (== net46) (>= netcoreapp1.1)) (== net47) (== netcoreapp3.0)
      System.Runtime.Handles (>= 4.3) - restriction: || (&& (== net45) (>= dnxcore50)) (&& (== net45) (>= netcoreapp1.1)) (&& (== net452) (>= dnxcore50)) (&& (== net452) (< net45) (>= netstandard1.3)) (&& (== net452) (< net45) (>= netstandard1.5)) (&& (== net452) (>= netcoreapp1.1)) (&& (== net46) (>= dnxcore50)) (&& (== net46) (< net45)) (&& (== net46) (>= netcoreapp1.1)) (&& (== net47) (>= dnxcore50)) (&& (== net47) (< net45)) (&& (== net47) (>= netcoreapp1.1)) (== netcoreapp3.0)
    System.Runtime.InteropServices.RuntimeInformation (4.3) - restriction: || (== net45) (&& (== net452) (== net46) (>= wpa81)) (&& (== net452) (== net47) (>= wpa81)) (&& (== net452) (>= netcoreapp1.0)) (&& (== net46) (< net45)) (&& (== net46) (< net452)) (&& (== net46) (>= netcoreapp1.0)) (&& (== net46) (< netstandard1.0)) (&& (== net46) (< netstandard1.3) (>= wpa81)) (&& (== net46) (>= uap10.0)) (&& (== net47) (< net45)) (&& (== net47) (< net452) (< netstandard1.3)) (&& (== net47) (< net452) (< netstandard1.4)) (&& (== net47) (>= netcoreapp1.0)) (&& (== net47) (< netstandard1.0)) (&& (== net47) (< netstandard1.3) (>= wpa81)) (&& (== net47) (>= uap10.0)) (== netcoreapp3.0)
    System.Runtime.Loader (4.3) - restriction: || (&& (== net45) (>= netcoreapp1.0)) (&& (== net452) (>= netcoreapp1.0)) (&& (== net46) (>= netcoreapp1.0)) (&& (== net47) (>= netcoreapp1.0)) (== netcoreapp3.0)
      System.IO (>= 4.3) - restriction: || (&& (== net45) (>= netstandard1.5)) (&& (== net452) (>= netstandard1.5)) (&& (== net46) (>= netstandard1.5)) (&& (== net47) (< net462)) (== netcoreapp3.0)
      System.Reflection (>= 4.3) - restriction: || (&& (== net45) (>= netstandard1.5)) (&& (== net452) (>= netstandard1.5)) (&& (== net46) (>= netstandard1.5)) (&& (== net47) (< net462)) (== netcoreapp3.0)
      System.Runtime (>= 4.3) - restriction: || (&& (== net45) (>= netstandard1.5)) (&& (== net452) (>= netstandard1.5)) (&& (== net46) (>= netstandard1.5)) (&& (== net47) (< net462)) (== netcoreapp3.0)
    System.Runtime.Serialization.Json (4.3) - restriction: || (&& (== net45) (>= netcoreapp1.0)) (&& (== net452) (>= netcoreapp1.0)) (&& (== net46) (>= netcoreapp1.0)) (&& (== net47) (>= netcoreapp1.0)) (== netcoreapp3.0)
      System.IO (>= 4.3) - restriction: || (&& (== net45) (>= dnxcore50)) (&& (== net452) (>= dnxcore50)) (&& (== net452) (< net45)) (&& (== net46) (>= dnxcore50)) (&& (== net46) (< net45)) (&& (== net47) (>= dnxcore50)) (&& (== net47) (< net45)) (== netcoreapp3.0)
      System.Private.DataContractSerialization (>= 4.3) - restriction: || (&& (== net45) (>= dnxcore50)) (&& (== net452) (>= dnxcore50)) (&& (== net452) (< net45) (>= netstandard1.3)) (&& (== net46) (>= dnxcore50)) (&& (== net46) (< net45)) (&& (== net47) (>= dnxcore50)) (&& (== net47) (< net45)) (== netcoreapp3.0)
      System.Runtime (>= 4.3) - restriction: || (&& (== net45) (>= dnxcore50)) (&& (== net452) (>= dnxcore50)) (&& (== net452) (< net45)) (&& (== net46) (>= dnxcore50)) (&& (== net46) (< net45)) (&& (== net47) (>= dnxcore50)) (&& (== net47) (< net45)) (== netcoreapp3.0)
    System.Runtime.Serialization.Primitives (4.3) - restriction: || (&& (== net45) (>= netcoreapp1.0)) (&& (== net452) (>= netcoreapp1.0)) (&& (== net46) (>= netcoreapp1.0)) (&& (== net47) (>= netcoreapp1.0)) (== netcoreapp3.0)
      System.Resources.ResourceManager (>= 4.3) - restriction: || (&& (== net45) (>= dnxcore50)) (&& (== net452) (>= dnxcore50)) (&& (== net452) (< net45) (>= netstandard1.3)) (&& (== net46) (>= dnxcore50)) (&& (== net46) (< net45)) (&& (== net47) (>= dnxcore50)) (&& (== net47) (< net45)) (== netcoreapp3.0)
      System.Runtime (>= 4.3) - restriction: || (&& (== net45) (>= dnxcore50)) (&& (== net452) (>= dnxcore50)) (&& (== net452) (< net45)) (&& (== net46) (>= dnxcore50)) (&& (== net46) (< net45)) (&& (== net47) (>= dnxcore50)) (&& (== net47) (< net45)) (== netcoreapp3.0)
    System.Security.AccessControl (4.5) - restriction: || (&& (== net45) (>= monoandroid) (>= netcoreapp1.0)) (&& (== net45) (>= monotouch) (>= netcoreapp1.0)) (&& (== net45) (>= net461) (>= netcoreapp1.0)) (&& (== net45) (>= netcoreapp1.0) (>= netstandard2.0)) (&& (== net45) (>= netcoreapp1.0) (>= xamarinios)) (&& (== net45) (>= netcoreapp1.0) (>= xamarinmac)) (&& (== net45) (>= netcoreapp1.0) (>= xamarintvos)) (&& (== net45) (>= netcoreapp1.0) (>= xamarinwatchos)) (&& (== net45) (>= netcoreapp2.0)) (&& (== net452) (>= monoandroid) (>= netcoreapp1.0)) (&& (== net452) (>= monotouch) (>= netcoreapp1.0)) (&& (== net452) (>= net461) (>= netcoreapp1.0)) (&& (== net452) (>= netcoreapp1.0) (>= netstandard2.0)) (&& (== net452) (>= netcoreapp1.0) (>= xamarinios)) (&& (== net452) (>= netcoreapp1.0) (>= xamarinmac)) (&& (== net452) (>= netcoreapp1.0) (>= xamarintvos)) (&& (== net452) (>= netcoreapp1.0) (>= xamarinwatchos)) (&& (== net452) (>= netcoreapp2.0)) (&& (== net46) (>= monoandroid) (>= netcoreapp1.0)) (&& (== net46) (>= monotouch) (>= netcoreapp1.0)) (&& (== net46) (>= net461) (>= netcoreapp1.0)) (&& (== net46) (>= netcoreapp1.0) (>= netstandard2.0)) (&& (== net46) (>= netcoreapp1.0) (>= xamarinios)) (&& (== net46) (>= netcoreapp1.0) (>= xamarinmac)) (&& (== net46) (>= netcoreapp1.0) (>= xamarintvos)) (&& (== net46) (>= netcoreapp1.0) (>= xamarinwatchos)) (&& (== net46) (>= netcoreapp2.0)) (&& (== net47) (>= netcoreapp1.0)) (&& (== net47) (>= netcoreapp2.0)) (== netcoreapp3.0)
      Microsoft.NETCore.Platforms (>= 2.0) - restriction: || (&& (== net45) (>= netcoreapp2.0)) (&& (== net452) (>= netcoreapp2.0)) (&& (== net46) (>= netcoreapp2.0)) (&& (== net47) (>= netcoreapp2.0)) (== netcoreapp3.0)
      System.Security.Principal.Windows (>= 4.5) - restriction: || (&& (== net45) (>= net461)) (&& (== net45) (>= netcoreapp2.0)) (&& (== net45) (>= netstandard2.0)) (&& (== net452) (>= net461)) (&& (== net452) (>= netcoreapp2.0)) (&& (== net452) (>= netstandard2.0)) (&& (== net46) (>= net461)) (&& (== net46) (>= netcoreapp2.0)) (== net47) (== netcoreapp3.0)
    System.Security.Principal.Windows (4.5.1) - restriction: || (&& (== net45) (>= monoandroid) (>= netcoreapp1.0)) (&& (== net45) (>= monotouch) (>= netcoreapp1.0)) (&& (== net45) (>= net461) (>= netcoreapp1.0)) (&& (== net45) (>= netcoreapp1.0) (>= netstandard2.0)) (&& (== net45) (>= netcoreapp1.0) (>= xamarinios)) (&& (== net45) (>= netcoreapp1.0) (>= xamarinmac)) (&& (== net45) (>= netcoreapp1.0) (>= xamarintvos)) (&& (== net45) (>= netcoreapp1.0) (>= xamarinwatchos)) (&& (== net45) (>= netcoreapp2.0)) (&& (== net452) (>= monoandroid) (>= netcoreapp1.0)) (&& (== net452) (>= monotouch) (>= netcoreapp1.0)) (&& (== net452) (>= net461) (>= netcoreapp1.0)) (&& (== net452) (>= netcoreapp1.0) (>= netstandard2.0)) (&& (== net452) (>= netcoreapp1.0) (>= xamarinios)) (&& (== net452) (>= netcoreapp1.0) (>= xamarinmac)) (&& (== net452) (>= netcoreapp1.0) (>= xamarintvos)) (&& (== net452) (>= netcoreapp1.0) (>= xamarinwatchos)) (&& (== net452) (>= netcoreapp2.0)) (&& (== net46) (>= monoandroid) (>= netcoreapp1.0)) (&& (== net46) (>= monotouch) (>= netcoreapp1.0)) (&& (== net46) (>= net461) (>= netcoreapp1.0)) (&& (== net46) (>= netcoreapp1.0) (>= netstandard2.0)) (&& (== net46) (>= netcoreapp1.0) (>= xamarinios)) (&& (== net46) (>= netcoreapp1.0) (>= xamarinmac)) (&& (== net46) (>= netcoreapp1.0) (>= xamarintvos)) (&& (== net46) (>= netcoreapp1.0) (>= xamarinwatchos)) (&& (== net46) (>= netcoreapp2.0)) (&& (== net47) (>= netcoreapp1.0)) (&& (== net47) (>= netcoreapp2.0)) (== netcoreapp3.0)
      Microsoft.NETCore.Platforms (>= 2.0) - restriction: || (&& (== net45) (>= netcoreapp2.0)) (&& (== net452) (>= netcoreapp2.0)) (&& (== net46) (>= netcoreapp2.0)) (&& (== net47) (>= netcoreapp2.0)) (== netcoreapp3.0)
    System.Text.Encoding (4.3) - restriction: || (&& (== net45) (>= netcoreapp1.0)) (&& (== net452) (>= netcoreapp1.0)) (&& (== net46) (>= netcoreapp1.0)) (&& (== net47) (>= netcoreapp1.0)) (== netcoreapp3.0)
      Microsoft.NETCore.Platforms (>= 1.1) - restriction: || (&& (== net45) (>= dnxcore50)) (&& (== net452) (>= dnxcore50)) (&& (== net452) (< net45)) (&& (== net46) (>= dnxcore50)) (&& (== net46) (< net45)) (&& (== net47) (>= dnxcore50)) (&& (== net47) (< net45)) (== netcoreapp3.0)
      Microsoft.NETCore.Targets (>= 1.1) - restriction: || (&& (== net45) (>= dnxcore50)) (&& (== net452) (>= dnxcore50)) (&& (== net452) (< net45)) (&& (== net46) (>= dnxcore50)) (&& (== net46) (< net45)) (&& (== net47) (>= dnxcore50)) (&& (== net47) (< net45)) (== netcoreapp3.0)
      System.Runtime (>= 4.3) - restriction: || (&& (== net45) (>= dnxcore50)) (&& (== net452) (>= dnxcore50)) (&& (== net452) (< net45)) (&& (== net46) (>= dnxcore50)) (&& (== net46) (< net45)) (&& (== net47) (>= dnxcore50)) (&& (== net47) (< net45)) (== netcoreapp3.0)
    System.Text.Encoding.Extensions (4.3) - restriction: || (&& (== net45) (>= netcoreapp1.0)) (&& (== net452) (>= netcoreapp1.0)) (&& (== net46) (>= netcoreapp1.0)) (&& (== net47) (>= netcoreapp1.0)) (== netcoreapp3.0)
      Microsoft.NETCore.Platforms (>= 1.1) - restriction: || (&& (== net45) (>= dnxcore50)) (&& (== net452) (>= dnxcore50)) (&& (== net452) (< net45)) (&& (== net46) (>= dnxcore50)) (&& (== net46) (< net45)) (&& (== net47) (>= dnxcore50)) (&& (== net47) (< net45)) (== netcoreapp3.0)
      Microsoft.NETCore.Targets (>= 1.1) - restriction: || (&& (== net45) (>= dnxcore50)) (&& (== net452) (>= dnxcore50)) (&& (== net452) (< net45)) (&& (== net46) (>= dnxcore50)) (&& (== net46) (< net45)) (&& (== net47) (>= dnxcore50)) (&& (== net47) (< net45)) (== netcoreapp3.0)
      System.Runtime (>= 4.3) - restriction: || (&& (== net45) (>= dnxcore50)) (&& (== net452) (>= dnxcore50)) (&& (== net452) (< net45)) (&& (== net46) (>= dnxcore50)) (&& (== net46) (< net45)) (&& (== net47) (>= dnxcore50)) (&& (== net47) (< net45)) (== netcoreapp3.0)
      System.Text.Encoding (>= 4.3) - restriction: || (&& (== net45) (>= dnxcore50)) (&& (== net452) (>= dnxcore50)) (&& (== net452) (< net45)) (&& (== net46) (>= dnxcore50)) (&& (== net46) (< net45)) (&& (== net47) (>= dnxcore50)) (&& (== net47) (< net45)) (== netcoreapp3.0)
    System.Text.RegularExpressions (4.3) - restriction: || (&& (== net45) (>= netcoreapp1.0)) (&& (== net452) (>= netcoreapp1.0)) (&& (== net46) (>= netcoreapp1.0)) (&& (== net47) (>= netcoreapp1.0)) (== netcoreapp3.0)
      System.Runtime (>= 4.3) - restriction: || (&& (== net45) (>= dnxcore50)) (&& (== net45) (>= netcoreapp1.1)) (&& (== net452) (>= dnxcore50)) (&& (== net452) (< net45)) (&& (== net452) (>= netcoreapp1.1)) (&& (== net46) (>= dnxcore50)) (&& (== net46) (< net45)) (&& (== net46) (>= netcoreapp1.1)) (&& (== net47) (>= dnxcore50)) (&& (== net47) (< net45)) (&& (== net47) (>= netcoreapp1.1)) (== netcoreapp3.0)
    System.Threading (4.3) - restriction: || (&& (== net45) (>= netcoreapp1.0)) (&& (== net452) (>= netcoreapp1.0)) (&& (== net46) (>= netcoreapp1.0)) (&& (== net47) (>= netcoreapp1.0)) (== netcoreapp3.0)
      System.Runtime (>= 4.3) - restriction: || (&& (== net45) (>= dnxcore50)) (&& (== net452) (>= dnxcore50)) (&& (== net452) (< net45)) (&& (== net46) (>= dnxcore50)) (&& (== net46) (< net45)) (&& (== net47) (>= dnxcore50)) (&& (== net47) (< net45)) (== netcoreapp3.0)
      System.Threading.Tasks (>= 4.3) - restriction: || (&& (== net45) (>= dnxcore50)) (&& (== net452) (>= dnxcore50)) (&& (== net452) (< net45)) (&& (== net46) (>= dnxcore50)) (&& (== net46) (< net45)) (&& (== net47) (>= dnxcore50)) (&& (== net47) (< net45)) (== netcoreapp3.0)
    System.Threading.Tasks (4.3) - restriction: || (&& (== net45) (>= netcoreapp1.0)) (&& (== net452) (>= netcoreapp1.0)) (&& (== net46) (>= netcoreapp1.0)) (&& (== net47) (>= netcoreapp1.0)) (== netcoreapp3.0)
      Microsoft.NETCore.Platforms (>= 1.1) - restriction: || (&& (== net45) (>= dnxcore50)) (&& (== net452) (>= dnxcore50)) (&& (== net452) (< net45)) (&& (== net46) (>= dnxcore50)) (&& (== net46) (< net45)) (&& (== net47) (>= dnxcore50)) (&& (== net47) (< net45)) (== netcoreapp3.0)
      Microsoft.NETCore.Targets (>= 1.1) - restriction: || (&& (== net45) (>= dnxcore50)) (&& (== net452) (>= dnxcore50)) (&& (== net452) (< net45)) (&& (== net46) (>= dnxcore50)) (&& (== net46) (< net45)) (&& (== net47) (>= dnxcore50)) (&& (== net47) (< net45)) (== netcoreapp3.0)
      System.Runtime (>= 4.3) - restriction: || (&& (== net45) (>= dnxcore50)) (&& (== net452) (>= dnxcore50)) (&& (== net452) (< net45)) (&& (== net46) (>= dnxcore50)) (&& (== net46) (< net45)) (&& (== net47) (>= dnxcore50)) (&& (== net47) (< net45)) (== netcoreapp3.0)
    System.Threading.Tasks.Extensions (4.5.2) - restriction: || (&& (== net45) (>= netcoreapp1.0)) (&& (== net452) (>= netcoreapp1.0)) (&& (== net46) (>= netcoreapp1.0)) (&& (== net47) (>= netcoreapp1.0)) (== netcoreapp3.0)
    System.Threading.Thread (4.3) - restriction: || (&& (== net45) (>= netcoreapp1.0)) (&& (== net452) (>= netcoreapp1.0)) (&& (== net46) (>= netcoreapp1.0)) (&& (== net47) (>= netcoreapp1.0)) (== netcoreapp3.0)
      System.Runtime (>= 4.3) - restriction: || (&& (== net45) (>= netstandard1.3)) (&& (== net452) (>= netstandard1.3)) (&& (== net47) (< net46)) (== netcoreapp3.0)
    System.Threading.ThreadPool (4.3) - restriction: || (&& (== net45) (>= netcoreapp1.0)) (&& (== net452) (>= netcoreapp1.0)) (&& (== net46) (>= netcoreapp1.0)) (&& (== net47) (>= netcoreapp1.0)) (== netcoreapp3.0)
      System.Runtime (>= 4.3) - restriction: || (&& (== net45) (>= netstandard1.3)) (&& (== net452) (>= netstandard1.3)) (&& (== net47) (< net46)) (== netcoreapp3.0)
      System.Runtime.Handles (>= 4.3) - restriction: || (&& (== net45) (>= netstandard1.3)) (&& (== net452) (>= netstandard1.3)) (&& (== net47) (< net46)) (== netcoreapp3.0)
    System.Xml.ReaderWriter (4.3.1) - restriction: || (&& (== net45) (>= netcoreapp1.0)) (&& (== net452) (>= netcoreapp1.0)) (&& (== net46) (>= netcoreapp1.0)) (&& (== net47) (>= netcoreapp1.0)) (== netcoreapp3.0)
      System.Collections (>= 4.3) - restriction: || (&& (== net45) (>= dnxcore50)) (&& (== net452) (>= dnxcore50)) (&& (== net452) (< net45) (>= netstandard1.3)) (&& (== net46) (>= dnxcore50)) (&& (== net46) (< net45)) (&& (== net47) (>= dnxcore50)) (&& (== net47) (< net45)) (== netcoreapp3.0)
      System.Diagnostics.Debug (>= 4.3) - restriction: || (&& (== net45) (>= dnxcore50)) (&& (== net452) (>= dnxcore50)) (&& (== net452) (< net45) (>= netstandard1.3)) (&& (== net46) (>= dnxcore50)) (&& (== net46) (< net45)) (&& (== net47) (>= dnxcore50)) (&& (== net47) (< net45)) (== netcoreapp3.0)
      System.Globalization (>= 4.3) - restriction: || (&& (== net45) (>= dnxcore50)) (&& (== net452) (>= dnxcore50)) (&& (== net452) (< net45) (>= netstandard1.3)) (&& (== net46) (>= dnxcore50)) (&& (== net46) (< net45)) (&& (== net47) (>= dnxcore50)) (&& (== net47) (< net45)) (== netcoreapp3.0)
      System.IO (>= 4.3) - restriction: || (&& (== net45) (>= dnxcore50)) (&& (== net452) (>= dnxcore50)) (&& (== net452) (< net45)) (&& (== net46) (>= dnxcore50)) (&& (== net46) (< net45)) (&& (== net47) (>= dnxcore50)) (&& (== net47) (< net45)) (== netcoreapp3.0)
      System.IO.FileSystem (>= 4.3) - restriction: || (&& (== net45) (>= dnxcore50)) (&& (== net452) (>= dnxcore50)) (&& (== net452) (< net45) (>= netstandard1.3)) (&& (== net46) (>= dnxcore50)) (&& (== net46) (< net45)) (&& (== net47) (>= dnxcore50)) (&& (== net47) (< net45)) (== netcoreapp3.0)
      System.IO.FileSystem.Primitives (>= 4.3) - restriction: || (&& (== net45) (>= dnxcore50)) (&& (== net452) (>= dnxcore50)) (&& (== net452) (< net45) (>= netstandard1.3)) (&& (== net46) (>= dnxcore50)) (&& (== net46) (< net45)) (&& (== net47) (>= dnxcore50)) (&& (== net47) (< net45)) (== netcoreapp3.0)
      System.Resources.ResourceManager (>= 4.3) - restriction: || (&& (== net45) (>= dnxcore50)) (&& (== net452) (>= dnxcore50)) (&& (== net452) (< net45) (>= netstandard1.3)) (&& (== net46) (>= dnxcore50)) (&& (== net46) (< net45)) (&& (== net47) (>= dnxcore50)) (&& (== net47) (< net45)) (== netcoreapp3.0)
      System.Runtime (>= 4.3) - restriction: || (&& (== net45) (>= dnxcore50)) (&& (== net452) (>= dnxcore50)) (&& (== net452) (< net45)) (&& (== net46) (>= dnxcore50)) (&& (== net46) (< net45)) (&& (== net47) (>= dnxcore50)) (&& (== net47) (< net45)) (== netcoreapp3.0)
      System.Runtime.Extensions (>= 4.3) - restriction: || (&& (== net45) (>= dnxcore50)) (&& (== net452) (>= dnxcore50)) (&& (== net452) (< net45) (>= netstandard1.3)) (&& (== net46) (>= dnxcore50)) (&& (== net46) (< net45)) (&& (== net47) (>= dnxcore50)) (&& (== net47) (< net45)) (== netcoreapp3.0)
      System.Runtime.InteropServices (>= 4.3) - restriction: || (&& (== net45) (>= dnxcore50)) (&& (== net452) (>= dnxcore50)) (&& (== net452) (< net45) (>= netstandard1.3)) (&& (== net46) (>= dnxcore50)) (&& (== net46) (< net45)) (&& (== net47) (>= dnxcore50)) (&& (== net47) (< net45)) (== netcoreapp3.0)
      System.Text.Encoding (>= 4.3) - restriction: || (&& (== net45) (>= dnxcore50)) (&& (== net452) (>= dnxcore50)) (&& (== net452) (< net45)) (&& (== net46) (>= dnxcore50)) (&& (== net46) (< net45)) (&& (== net47) (>= dnxcore50)) (&& (== net47) (< net45)) (== netcoreapp3.0)
      System.Text.Encoding.Extensions (>= 4.3) - restriction: || (&& (== net45) (>= dnxcore50)) (&& (== net452) (>= dnxcore50)) (&& (== net452) (< net45) (>= netstandard1.3)) (&& (== net46) (>= dnxcore50)) (&& (== net46) (< net45)) (&& (== net47) (>= dnxcore50)) (&& (== net47) (< net45)) (== netcoreapp3.0)
      System.Text.RegularExpressions (>= 4.3) - restriction: || (&& (== net45) (>= dnxcore50)) (&& (== net452) (>= dnxcore50)) (&& (== net452) (< net45) (>= netstandard1.3)) (&& (== net46) (>= dnxcore50)) (&& (== net46) (< net45)) (&& (== net47) (>= dnxcore50)) (&& (== net47) (< net45)) (== netcoreapp3.0)
      System.Threading.Tasks (>= 4.3) - restriction: || (&& (== net45) (>= dnxcore50)) (&& (== net452) (>= dnxcore50)) (&& (== net452) (< net45)) (&& (== net46) (>= dnxcore50)) (&& (== net46) (< net45)) (&& (== net47) (>= dnxcore50)) (&& (== net47) (< net45)) (== netcoreapp3.0)
      System.Threading.Tasks.Extensions (>= 4.3) - restriction: || (&& (== net45) (>= dnxcore50)) (&& (== net452) (>= dnxcore50)) (&& (== net452) (< net45) (>= netstandard1.3)) (&& (== net46) (>= dnxcore50)) (&& (== net46) (< net45)) (&& (== net47) (>= dnxcore50)) (&& (== net47) (< net45)) (== netcoreapp3.0)
    System.Xml.XDocument (4.3) - restriction: || (&& (== net45) (>= netcoreapp1.0)) (&& (== net452) (>= netcoreapp1.0)) (&& (== net46) (>= netcoreapp1.0)) (&& (== net47) (>= netcoreapp1.0)) (== netcoreapp3.0)
      System.Collections (>= 4.3) - restriction: || (&& (== net45) (>= dnxcore50)) (&& (== net452) (>= dnxcore50)) (&& (== net452) (< net45) (>= netstandard1.3)) (&& (== net46) (>= dnxcore50)) (&& (== net46) (< net45)) (&& (== net47) (>= dnxcore50)) (&& (== net47) (< net45)) (== netcoreapp3.0)
      System.Diagnostics.Debug (>= 4.3) - restriction: || (&& (== net45) (>= dnxcore50)) (&& (== net452) (>= dnxcore50)) (&& (== net452) (< net45) (>= netstandard1.3)) (&& (== net46) (>= dnxcore50)) (&& (== net46) (< net45)) (&& (== net47) (>= dnxcore50)) (&& (== net47) (< net45)) (== netcoreapp3.0)
      System.Diagnostics.Tools (>= 4.3) - restriction: || (&& (== net45) (>= dnxcore50)) (&& (== net452) (>= dnxcore50)) (&& (== net452) (< net45) (>= netstandard1.3)) (&& (== net46) (>= dnxcore50)) (&& (== net46) (< net45)) (&& (== net47) (>= dnxcore50)) (&& (== net47) (< net45)) (== netcoreapp3.0)
      System.Globalization (>= 4.3) - restriction: || (&& (== net45) (>= dnxcore50)) (&& (== net452) (>= dnxcore50)) (&& (== net452) (< net45) (>= netstandard1.3)) (&& (== net46) (>= dnxcore50)) (&& (== net46) (< net45)) (&& (== net47) (>= dnxcore50)) (&& (== net47) (< net45)) (== netcoreapp3.0)
      System.IO (>= 4.3) - restriction: || (&& (== net45) (>= dnxcore50)) (&& (== net452) (>= dnxcore50)) (&& (== net452) (< net45)) (&& (== net46) (>= dnxcore50)) (&& (== net46) (< net45)) (&& (== net47) (>= dnxcore50)) (&& (== net47) (< net45)) (== netcoreapp3.0)
      System.Reflection (>= 4.3) - restriction: || (&& (== net45) (>= dnxcore50)) (&& (== net452) (>= dnxcore50)) (&& (== net452) (< net45) (>= netstandard1.3)) (&& (== net46) (>= dnxcore50)) (&& (== net46) (< net45)) (&& (== net47) (>= dnxcore50)) (&& (== net47) (< net45)) (== netcoreapp3.0)
      System.Resources.ResourceManager (>= 4.3) - restriction: || (&& (== net45) (>= dnxcore50)) (&& (== net452) (>= dnxcore50)) (&& (== net452) (< net45) (>= netstandard1.3)) (&& (== net46) (>= dnxcore50)) (&& (== net46) (< net45)) (&& (== net47) (>= dnxcore50)) (&& (== net47) (< net45)) (== netcoreapp3.0)
      System.Runtime (>= 4.3) - restriction: || (&& (== net45) (>= dnxcore50)) (&& (== net452) (>= dnxcore50)) (&& (== net452) (< net45)) (&& (== net46) (>= dnxcore50)) (&& (== net46) (< net45)) (&& (== net47) (>= dnxcore50)) (&& (== net47) (< net45)) (== netcoreapp3.0)
      System.Runtime.Extensions (>= 4.3) - restriction: || (&& (== net45) (>= dnxcore50)) (&& (== net452) (>= dnxcore50)) (&& (== net452) (< net45) (>= netstandard1.3)) (&& (== net46) (>= dnxcore50)) (&& (== net46) (< net45)) (&& (== net47) (>= dnxcore50)) (&& (== net47) (< net45)) (== netcoreapp3.0)
      System.Text.Encoding (>= 4.3) - restriction: || (&& (== net45) (>= dnxcore50)) (&& (== net452) (>= dnxcore50)) (&& (== net452) (< net45) (>= netstandard1.3)) (&& (== net46) (>= dnxcore50)) (&& (== net46) (< net45)) (&& (== net47) (>= dnxcore50)) (&& (== net47) (< net45)) (== netcoreapp3.0)
      System.Threading (>= 4.3) - restriction: || (&& (== net45) (>= dnxcore50)) (&& (== net452) (>= dnxcore50)) (&& (== net452) (< net45) (>= netstandard1.3)) (&& (== net46) (>= dnxcore50)) (&& (== net46) (< net45)) (&& (== net47) (>= dnxcore50)) (&& (== net47) (< net45)) (== netcoreapp3.0)
      System.Xml.ReaderWriter (>= 4.3) - restriction: || (&& (== net45) (>= dnxcore50)) (&& (== net452) (>= dnxcore50)) (&& (== net452) (< net45)) (&& (== net46) (>= dnxcore50)) (&& (== net46) (< net45)) (&& (== net47) (>= dnxcore50)) (&& (== net47) (< net45)) (== netcoreapp3.0)
    System.Xml.XmlDocument (4.3) - restriction: || (&& (== net45) (>= netcoreapp1.0)) (&& (== net452) (>= netcoreapp1.0)) (&& (== net46) (>= netcoreapp1.0)) (&& (== net47) (>= netcoreapp1.0)) (== netcoreapp3.0)
      System.Collections (>= 4.3) - restriction: || (&& (== net45) (>= netstandard1.3)) (&& (== net452) (>= netstandard1.3)) (&& (== net47) (< net46)) (== netcoreapp3.0)
      System.Diagnostics.Debug (>= 4.3) - restriction: || (&& (== net45) (>= netstandard1.3)) (&& (== net452) (>= netstandard1.3)) (&& (== net47) (< net46)) (== netcoreapp3.0)
      System.Globalization (>= 4.3) - restriction: || (&& (== net45) (>= netstandard1.3)) (&& (== net452) (>= netstandard1.3)) (&& (== net47) (< net46)) (== netcoreapp3.0)
      System.IO (>= 4.3) - restriction: || (&& (== net45) (>= netstandard1.3)) (&& (== net452) (>= netstandard1.3)) (&& (== net47) (< net46)) (== netcoreapp3.0)
      System.Resources.ResourceManager (>= 4.3) - restriction: || (&& (== net45) (>= netstandard1.3)) (&& (== net452) (>= netstandard1.3)) (&& (== net47) (< net46)) (== netcoreapp3.0)
      System.Runtime (>= 4.3) - restriction: || (&& (== net45) (>= netstandard1.3)) (&& (== net452) (>= netstandard1.3)) (&& (== net47) (< net46)) (== netcoreapp3.0)
      System.Runtime.Extensions (>= 4.3) - restriction: || (&& (== net45) (>= netstandard1.3)) (&& (== net452) (>= netstandard1.3)) (&& (== net47) (< net46)) (== netcoreapp3.0)
      System.Text.Encoding (>= 4.3) - restriction: || (&& (== net45) (>= netstandard1.3)) (&& (== net452) (>= netstandard1.3)) (&& (== net47) (< net46)) (== netcoreapp3.0)
      System.Threading (>= 4.3) - restriction: || (&& (== net45) (>= netstandard1.3)) (&& (== net452) (>= netstandard1.3)) (&& (== net47) (< net46)) (== netcoreapp3.0)
      System.Xml.ReaderWriter (>= 4.3) - restriction: || (&& (== net45) (>= netstandard1.3)) (&& (== net452) (>= netstandard1.3)) (&& (== net47) (< net46)) (== netcoreapp3.0)
    System.Xml.XmlSerializer (4.3) - restriction: || (&& (== net45) (>= netcoreapp1.0)) (&& (== net452) (>= netcoreapp1.0)) (&& (== net46) (>= netcoreapp1.0)) (&& (== net47) (>= netcoreapp1.0)) (== netcoreapp3.0)
      System.Collections (>= 4.3) - restriction: || (&& (== net45) (>= dnxcore50)) (&& (== net452) (>= dnxcore50)) (&& (== net452) (< net45) (>= netstandard1.3)) (&& (== net46) (>= dnxcore50)) (&& (== net46) (< net45)) (&& (== net47) (>= dnxcore50)) (&& (== net47) (< net45)) (== netcoreapp3.0)
      System.Globalization (>= 4.3) - restriction: || (&& (== net45) (>= dnxcore50)) (&& (== net452) (>= dnxcore50)) (&& (== net452) (< net45) (>= netstandard1.3)) (&& (== net46) (>= dnxcore50)) (&& (== net46) (< net45)) (&& (== net47) (>= dnxcore50)) (&& (== net47) (< net45)) (== netcoreapp3.0)
      System.IO (>= 4.3) - restriction: || (&& (== net45) (>= dnxcore50)) (&& (== net452) (>= dnxcore50)) (&& (== net452) (< net45)) (&& (== net46) (>= dnxcore50)) (&& (== net46) (< net45)) (&& (== net47) (>= dnxcore50)) (&& (== net47) (< net45)) (== netcoreapp3.0)
      System.Linq (>= 4.3) - restriction: || (&& (== net45) (>= dnxcore50)) (&& (== net452) (>= dnxcore50)) (&& (== net452) (< net45) (>= netstandard1.3)) (&& (== net46) (>= dnxcore50)) (&& (== net46) (< net45)) (&& (== net47) (>= dnxcore50)) (&& (== net47) (< net45)) (== netcoreapp3.0)
      System.Reflection (>= 4.3) - restriction: || (&& (== net45) (>= dnxcore50)) (&& (== net452) (>= dnxcore50)) (&& (== net452) (< net45) (>= netstandard1.3)) (&& (== net46) (>= dnxcore50)) (&& (== net46) (< net45)) (&& (== net47) (>= dnxcore50)) (&& (== net47) (< net45)) (== netcoreapp3.0)
      System.Reflection.Emit (>= 4.3) - restriction: || (&& (== net45) (>= dnxcore50)) (&& (== net452) (>= dnxcore50)) (&& (== net452) (< net45) (>= netstandard1.3)) (&& (== net46) (>= dnxcore50)) (&& (== net46) (< net45)) (&& (== net47) (>= dnxcore50)) (&& (== net47) (< net45)) (== netcoreapp3.0)
      System.Reflection.Emit.ILGeneration (>= 4.3) - restriction: || (&& (== net45) (>= dnxcore50)) (&& (== net452) (>= dnxcore50)) (&& (== net452) (< net45) (>= netstandard1.3)) (&& (== net46) (>= dnxcore50)) (&& (== net46) (< net45)) (&& (== net47) (>= dnxcore50)) (&& (== net47) (< net45)) (== netcoreapp3.0)
      System.Reflection.Extensions (>= 4.3) - restriction: || (&& (== net45) (>= dnxcore50)) (&& (== net452) (>= dnxcore50)) (&& (== net452) (< net45) (>= netstandard1.3)) (&& (== net46) (>= dnxcore50)) (&& (== net46) (< net45)) (&& (== net47) (>= dnxcore50)) (&& (== net47) (< net45)) (== netcoreapp3.0)
      System.Reflection.Primitives (>= 4.3) - restriction: || (&& (== net45) (>= dnxcore50)) (&& (== net452) (>= dnxcore50)) (&& (== net452) (< net45) (>= netstandard1.3)) (&& (== net46) (>= dnxcore50)) (&& (== net46) (< net45)) (&& (== net47) (>= dnxcore50)) (&& (== net47) (< net45)) (== netcoreapp3.0)
      System.Reflection.TypeExtensions (>= 4.3) - restriction: || (&& (== net45) (>= dnxcore50)) (&& (== net452) (>= dnxcore50)) (&& (== net452) (< net45) (>= netstandard1.3)) (&& (== net46) (>= dnxcore50)) (&& (== net46) (< net45)) (&& (== net47) (>= dnxcore50)) (&& (== net47) (< net45)) (== netcoreapp3.0)
      System.Resources.ResourceManager (>= 4.3) - restriction: || (&& (== net45) (>= dnxcore50)) (&& (== net452) (>= dnxcore50)) (&& (== net452) (< net45) (>= netstandard1.3)) (&& (== net46) (>= dnxcore50)) (&& (== net46) (< net45)) (&& (== net47) (>= dnxcore50)) (&& (== net47) (< net45)) (== netcoreapp3.0)
      System.Runtime (>= 4.3) - restriction: || (&& (== net45) (>= dnxcore50)) (&& (== net452) (>= dnxcore50)) (&& (== net452) (< net45)) (&& (== net46) (>= dnxcore50)) (&& (== net46) (< net45)) (&& (== net47) (>= dnxcore50)) (&& (== net47) (< net45)) (== netcoreapp3.0)
      System.Runtime.Extensions (>= 4.3) - restriction: || (&& (== net45) (>= dnxcore50)) (&& (== net452) (>= dnxcore50)) (&& (== net452) (< net45) (>= netstandard1.3)) (&& (== net46) (>= dnxcore50)) (&& (== net46) (< net45)) (&& (== net47) (>= dnxcore50)) (&& (== net47) (< net45)) (== netcoreapp3.0)
      System.Text.RegularExpressions (>= 4.3) - restriction: || (&& (== net45) (>= dnxcore50)) (&& (== net452) (>= dnxcore50)) (&& (== net452) (< net45) (>= netstandard1.3)) (&& (== net46) (>= dnxcore50)) (&& (== net46) (< net45)) (&& (== net47) (>= dnxcore50)) (&& (== net47) (< net45)) (== netcoreapp3.0)
      System.Threading (>= 4.3) - restriction: || (&& (== net45) (>= dnxcore50)) (&& (== net452) (>= dnxcore50)) (&& (== net452) (< net45) (>= netstandard1.3)) (&& (== net46) (>= dnxcore50)) (&& (== net46) (< net45)) (&& (== net47) (>= dnxcore50)) (&& (== net47) (< net45)) (== netcoreapp3.0)
      System.Xml.ReaderWriter (>= 4.3) - restriction: || (&& (== net45) (>= dnxcore50)) (&& (== net452) (>= dnxcore50)) (&& (== net452) (< net45)) (&& (== net46) (>= dnxcore50)) (&& (== net46) (< net45)) (&& (== net47) (>= dnxcore50)) (&& (== net47) (< net45)) (== netcoreapp3.0)
      System.Xml.XmlDocument (>= 4.3) - restriction: || (&& (== net45) (>= dnxcore50)) (&& (== net452) (>= dnxcore50)) (&& (== net452) (< net45) (>= netstandard1.3)) (&& (== net46) (>= dnxcore50)) (&& (== net46) (< net45)) (&& (== net47) (>= dnxcore50)) (&& (== net47) (< net45)) (== netcoreapp3.0)
    System.Xml.XPath (4.3) - restriction: || (&& (== net45) (>= netcoreapp1.0)) (&& (== net452) (>= netcoreapp1.0)) (&& (== net46) (>= netcoreapp1.0)) (&& (== net47) (>= netcoreapp1.0)) (== netcoreapp3.0)
      System.Collections (>= 4.3) - restriction: || (&& (== net45) (>= netstandard1.3)) (&& (== net452) (>= netstandard1.3)) (&& (== net47) (< net46)) (== netcoreapp3.0)
      System.Diagnostics.Debug (>= 4.3) - restriction: || (&& (== net45) (>= netstandard1.3)) (&& (== net452) (>= netstandard1.3)) (&& (== net47) (< net46)) (== netcoreapp3.0)
      System.Globalization (>= 4.3) - restriction: || (&& (== net45) (>= netstandard1.3)) (&& (== net452) (>= netstandard1.3)) (&& (== net47) (< net46)) (== netcoreapp3.0)
      System.IO (>= 4.3) - restriction: || (&& (== net45) (>= netstandard1.3)) (&& (== net452) (>= netstandard1.3)) (&& (== net47) (< net46)) (== netcoreapp3.0)
      System.Resources.ResourceManager (>= 4.3) - restriction: || (&& (== net45) (>= netstandard1.3)) (&& (== net452) (>= netstandard1.3)) (&& (== net47) (< net46)) (== netcoreapp3.0)
      System.Runtime (>= 4.3) - restriction: || (&& (== net45) (>= netstandard1.3)) (&& (== net452) (>= netstandard1.3)) (&& (== net47) (< net46)) (== netcoreapp3.0)
      System.Runtime.Extensions (>= 4.3) - restriction: || (&& (== net45) (>= netstandard1.3)) (&& (== net452) (>= netstandard1.3)) (&& (== net47) (< net46)) (== netcoreapp3.0)
      System.Threading (>= 4.3) - restriction: || (&& (== net45) (>= netstandard1.3)) (&& (== net452) (>= netstandard1.3)) (&& (== net47) (< net46)) (== netcoreapp3.0)
      System.Xml.ReaderWriter (>= 4.3) - restriction: || (&& (== net45) (>= netstandard1.3)) (&& (== net452) (>= netstandard1.3)) (&& (== net47) (< net46)) (== netcoreapp3.0)
    System.Xml.XPath.XmlDocument (4.3) - restriction: || (&& (== net45) (>= netcoreapp1.0)) (&& (== net452) (>= netcoreapp1.0)) (&& (== net46) (>= netcoreapp1.0)) (&& (== net47) (>= netcoreapp1.0)) (== netcoreapp3.0)
      System.Collections (>= 4.3) - restriction: || (&& (== net45) (>= netstandard1.3)) (&& (== net452) (>= netstandard1.3)) (&& (== net47) (< net46)) (== netcoreapp3.0)
      System.Globalization (>= 4.3) - restriction: || (&& (== net45) (>= netstandard1.3)) (&& (== net452) (>= netstandard1.3)) (&& (== net47) (< net46)) (== netcoreapp3.0)
      System.IO (>= 4.3) - restriction: || (&& (== net45) (>= netstandard1.3)) (&& (== net452) (>= netstandard1.3)) (&& (== net47) (< net46)) (== netcoreapp3.0)
      System.Resources.ResourceManager (>= 4.3) - restriction: || (&& (== net45) (>= netstandard1.3)) (&& (== net452) (>= netstandard1.3)) (&& (== net47) (< net46)) (== netcoreapp3.0)
      System.Runtime (>= 4.3) - restriction: || (&& (== net45) (>= netstandard1.3)) (&& (== net452) (>= netstandard1.3)) (&& (== net47) (< net46)) (== netcoreapp3.0)
      System.Runtime.Extensions (>= 4.3) - restriction: || (&& (== net45) (>= netstandard1.3)) (&& (== net452) (>= netstandard1.3)) (&& (== net47) (< net46)) (== netcoreapp3.0)
      System.Threading (>= 4.3) - restriction: || (&& (== net45) (>= netstandard1.3)) (&& (== net452) (>= netstandard1.3)) (&& (== net47) (< net46)) (== netcoreapp3.0)
      System.Xml.ReaderWriter (>= 4.3) - restriction: || (&& (== net45) (>= netstandard1.3)) (&& (== net452) (>= netstandard1.3)) (&& (== net47) (< net46)) (== netcoreapp3.0)
      System.Xml.XmlDocument (>= 4.3) - restriction: || (&& (== net45) (>= net46)) (&& (== net45) (>= netstandard1.3)) (&& (== net452) (>= net46)) (&& (== net452) (>= netstandard1.3)) (== net46) (== net47) (== netcoreapp3.0)
      System.Xml.XPath (>= 4.3) - restriction: || (&& (== net45) (>= net46)) (&& (== net45) (>= netstandard1.3)) (&& (== net452) (>= net46)) (&& (== net452) (>= netstandard1.3)) (== net46) (== net47) (== netcoreapp3.0)
    WpfAnalyzers (2.2.0.2) - copy_local: true
    XamlColorSchemeGenerator (3.0.0.31) - copy_local: true
      Newtonsoft.Json (>= 10.1)
    xunit (2.4.1)
      xunit.analyzers (>= 0.10)
      xunit.assert (2.4.1)
      xunit.core (2.4.1)
    xunit.abstractions (2.0.3)
    xunit.analyzers (0.10)
    xunit.assert (2.4.1)
      NETStandard.Library (>= 1.6.1) - restriction: || (== net45) (&& (== net46) (< net452)) (&& (== net47) (< net452)) (== netcoreapp3.0)
    xunit.core (2.4.1)
      xunit.extensibility.core (2.4.1)
      xunit.extensibility.execution (2.4.1)
    xunit.extensibility.core (2.4.1)
      NETStandard.Library (>= 1.6.1) - restriction: || (== net45) (&& (== net46) (< net452)) (&& (== net47) (< net452)) (== netcoreapp3.0)
      xunit.abstractions (>= 2.0.3)
    xunit.extensibility.execution (2.4.1)
      NETStandard.Library (>= 1.6.1) - restriction: || (== net45) (&& (== net46) (< net452)) (&& (== net47) (< net452)) (== netcoreapp3.0)
      xunit.extensibility.core (2.4.1)
    xunit.runner.visualstudio (2.4.1)
      Microsoft.NET.Test.Sdk (>= 15.0) - restriction: || (&& (== net45) (>= netcoreapp1.0)) (&& (== net452) (>= netcoreapp1.0)) (&& (== net46) (>= netcoreapp1.0)) (&& (== net47) (>= netcoreapp1.0)) (== netcoreapp3.0)
