RESTRICTION: >= net40
NUGET
  remote: https://www.nuget.org/api/v2
    Caliburn.Micro (3.1)
      Caliburn.Micro.Core (3.1)
    Caliburn.Micro.Core (3.1)
    ControlzEx (3.0.2.4)
    Costura.Fody (1.4.1)
      Fody (>= 2.0.6)
    ExposedObject (1.2)
    Fody (2.1.2)
    GitLink (3.1)
    JetBrains.Annotations (11.0)
    MahApps.Metro.IconPacks (1.9)
    Microsoft.Bcl (1.1.10) - restriction: == net40
      Microsoft.Bcl.Build (>= 1.0.14)
    Microsoft.Bcl.Async (1.0.168) - restriction: == net40
      Microsoft.Bcl (>= 1.1.8)
    Microsoft.Bcl.Build (1.0.21) - import_targets: false, restriction: == net40
    NHotkey (1.2.1)
    NHotkey.Wpf (1.2.1)
      NHotkey (>= 1.2.1)
    xunit (1.9.2)
    xunit.extensions (1.9.2)
      xunit (1.9.2)
