FRAMEWORK: >= NET40
NUGET
  remote: https://www.nuget.org/api/v2
    Caliburn.Micro (3.0.3)
      Caliburn.Micro.Core (3.0.3)
    Caliburn.Micro.Core (3.0.3)
    Costura.Fody (1.3.3)
      Fody (>= 1.26.1)
    ExposedObject (1.2)
    Fody (1.29.4)
    JetBrains.Annotations (10.4)
    MahApps.Metro.IconPacks (1.7.1)
    Microsoft.Bcl (1.1.10)
      Microsoft.Bcl.Build (>= 1.0.14)
    Microsoft.Bcl.Async (1.0.168) - framework: net40
      Microsoft.Bcl (>= 1.1.8)
    Microsoft.Bcl.Build (1.0.21) - import_targets: false
    NHotkey (1.2.1)
    NHotkey.Wpf (1.2.1)
      NHotkey (>= 1.2.1)
    xunit (1.9.2)
    xunit.extensions (1.9.2)
      xunit (1.9.2)
GITHUB
  remote: ControlzEx/ControlzEx
    src/ControlzEx/BadgedEx.cs (e687c6ac4279c4e513b7ef9a75622411350db874)
    src/ControlzEx/KeyboardNavigationEx.cs (e687c6ac4279c4e513b7ef9a75622411350db874)