RESTRICTION: || (== net40) (== net45) (== net46) (== net47)
NUGET
  remote: https://www.nuget.org/api/v2
    Caliburn.Micro (3.2)
      Caliburn.Micro.Core (3.2)
    Caliburn.Micro.Core (3.2)
    ControlzEx (3.0.2.4)
    Costura.Fody (3.1)
      Fody (>= 3.1.3) - restriction: || (&& (== net40) (>= net46)) (&& (== net45) (>= net46)) (== net46) (== net47)
    ExposedObject (1.2)
    Fody (3.1.3)
    gitlink (3.1)
    JetBrains.Annotations (11.1)
    MahApps.Metro.IconPacks (2.3)
      ControlzEx (>= 3.0.2.4 < 4.0)
    MaterialDesignColors (1.1.3)
    MaterialDesignThemes (2.4.0.1044)
      MaterialDesignColors (>= 1.1.2)
    Microsoft.Bcl (1.1.10)
      Microsoft.Bcl.Build (>= 1.0.14)
    Microsoft.Bcl.Async (1.0.168)
      Microsoft.Bcl (>= 1.1.8)
    Microsoft.Bcl.Build (1.0.21) - import_targets: false
    MSBuild.Sdk.Extras (1.3)
    NHotkey (1.2.1)
    NHotkey.Wpf (1.2.1)
      NHotkey (>= 1.2.1)
    WpfAnalyzers (2.1.3.2)

GROUP cake
RESTRICTION: == net45
NUGET
  remote: https://www.nuget.org/api/v2
    Cake (0.29)
    Cake.Figlet (1.1)
    Cake.Paket (4.0)
    Cake.Paket.Module (4.0)
    gitreleasemanager (0.7.1)
    GitVersion.CommandLine (4.0.0-beta0012)
    xunit.runner.console (2.4.0-rc.1.build4038)

GROUP xunit40
RESTRICTION: == net40
NUGET
  remote: https://www.nuget.org/api/v2
    xunit (1.9.2)
    xunit.extensions (1.9.2)
      xunit (1.9.2)

GROUP xunit45
RESTRICTION: >= net45
NUGET
  remote: https://www.nuget.org/api/v2
    Microsoft.CodeCoverage (1.0.3)
    Microsoft.NET.Test.Sdk (15.7.2)
      Microsoft.CodeCoverage (>= 1.0.3)
    Microsoft.NETCore.Platforms (2.1) - restriction: || (&& (>= net45) (< net452) (< netstandard1.3)) (&& (>= net45) (>= netcoreapp2.0)) (&& (>= net45) (< netstandard1.0)) (&& (>= net45) (< netstandard1.3) (>= wpa81)) (&& (>= net45) (< netstandard1.5) (>= uap10.0)) (&& (>= net45) (< portable-net45+win8+wpa81)) (&& (>= net45) (>= uap10.1)) (&& (>= net45) (>= wp8)) (&& (< net452) (>= net46) (< netstandard1.4)) (&& (< net452) (>= net461))
    NETStandard.Library (2.0.3) - restriction: && (>= net45) (< net452)
      Microsoft.NETCore.Platforms (>= 1.1)
      System.Runtime.InteropServices.RuntimeInformation (>= 4.3) - restriction: || (&& (>= net45) (< netstandard1.0)) (&& (>= net45) (< netstandard1.3)) (&& (>= net45) (< netstandard1.5) (>= uap10.0)) (&& (>= net46) (< netstandard1.4))
    System.Runtime.InteropServices.RuntimeInformation (4.3) - restriction: || (&& (>= net45) (< net452) (< netstandard1.3)) (&& (>= net45) (< netstandard1.0)) (&& (>= net45) (< netstandard1.3) (>= wpa81)) (&& (>= net45) (< netstandard1.5) (>= uap10.0)) (&& (< net452) (>= net46) (< netstandard1.4))
    xunit (2.3.1)
      xunit.analyzers (>= 0.7)
      xunit.assert (2.3.1)
      xunit.core (2.3.1)
    xunit.abstractions (2.0.1)
    xunit.analyzers (0.9)
    xunit.assert (2.3.1)
      NETStandard.Library (>= 1.6.1) - restriction: && (>= net45) (< net452)
    xunit.core (2.3.1)
      xunit.extensibility.core (2.3.1)
      xunit.extensibility.execution (2.3.1)
    xunit.extensibility.core (2.3.1)
      NETStandard.Library (>= 1.6.1) - restriction: && (>= net45) (< net452)
      xunit.abstractions (>= 2.0.1)
    xunit.extensibility.execution (2.3.1)
      NETStandard.Library (>= 1.6.1) - restriction: && (>= net45) (< net452)
      xunit.extensibility.core (2.3.1)
    xunit.runner.visualstudio (2.3.1)
