RESTRICTION: >= net45
NUGET
  remote: https://api.nuget.org/v3/index.json
    Caliburn.Micro (3.2)
      Caliburn.Micro.Core (3.2)
    Caliburn.Micro.Core (3.2)
    Costura.Fody (3.1)
      Fody (>= 3.1.3) - restriction: >= net46
    ExposedObject (1.2)
    Fody (3.2)
    gitlink (3.1)
    JetBrains.Annotations (2018.2.1) - copy_local: false
    MahApps.Metro.IconPacks (2.3)
      ControlzEx (>= 3.0.2.4 < 4.0)
    MaterialDesignColors (1.1.3)
    MaterialDesignThemes (2.5.0-ci1150)
      MaterialDesignColors (>= 1.1)
    MSBuild.Sdk.Extras (1.6.46)
    NHotkey (1.2.1)
    NHotkey.Wpf (1.2.1)
      NHotkey (>= 1.2.1)
    WpfAnalyzers (2.1.3.2)
    XamlColorSchemeGenerator (2.0.0.25)
  remote: https://ci.appveyor.com/nuget/controlzex
    ControlzEx (3.0.2.5)

GROUP cake
RESTRICTION: == net45
NUGET
  remote: https://api.nuget.org/v3/index.json
    Cake (0.30)
    Cake.Figlet (1.1)
    Cake.Paket (4.0)
    Cake.Paket.Module (4.0)
    gitreleasemanager (0.7.1)
    GitVersion.CommandLine (4.0.0-beta0014)
    vswhere (2.5.2)
    xunit.runner.console (2.4.1-pre.build.4059)

GROUP test
RESTRICTION: >= net45
NUGET
  remote: https://api.nuget.org/v3/index.json
    Microsoft.CodeCoverage (15.8)
    Microsoft.NET.Test.Sdk (15.8)
      Microsoft.CodeCoverage (>= 15.8)
    Microsoft.NETCore.Platforms (2.1.1) - restriction: || (&& (>= net45) (< net452) (< netstandard1.3)) (&& (>= net45) (>= netcoreapp2.0) (< netstandard2.0)) (&& (>= net45) (< netstandard1.0)) (&& (>= net45) (< netstandard1.3) (>= wpa81)) (&& (>= net45) (< netstandard2.0) (>= uap10.0)) (&& (>= net45) (< portable-net45+win8+wpa81)) (&& (>= net45) (>= wp8)) (&& (< net452) (>= net46) (< netstandard1.4)) (&& (< net452) (>= net461) (< netstandard2.0))
    NETStandard.Library (2.0.3) - restriction: && (>= net45) (< net452) (< netstandard2.0)
      Microsoft.NETCore.Platforms (>= 1.1)
      System.Runtime.InteropServices.RuntimeInformation (>= 4.3) - restriction: || (&& (>= net45) (< netstandard1.0)) (&& (>= net45) (< netstandard1.3)) (&& (>= net45) (>= uap10.0)) (&& (>= net46) (< netstandard1.4))
    System.Runtime.InteropServices.RuntimeInformation (4.3) - restriction: || (&& (>= net45) (< net452) (< netstandard1.3)) (&& (>= net45) (< netstandard1.0)) (&& (>= net45) (< netstandard1.3) (>= wpa81)) (&& (>= net45) (< netstandard2.0) (>= uap10.0)) (&& (< net452) (>= net46) (< netstandard1.4))
    xunit (2.4)
      xunit.analyzers (>= 0.10)
      xunit.assert (2.4)
      xunit.core (2.4)
    xunit.abstractions (2.0.3)
    xunit.analyzers (0.10)
    xunit.assert (2.4)
      NETStandard.Library (>= 1.6.1) - restriction: && (>= net45) (< net452) (< netstandard2.0)
    xunit.core (2.4)
      xunit.extensibility.core (2.4)
      xunit.extensibility.execution (2.4)
    xunit.extensibility.core (2.4)
      NETStandard.Library (>= 1.6.1) - restriction: && (>= net45) (< net452) (< netstandard2.0)
      xunit.abstractions (>= 2.0.2)
    xunit.extensibility.execution (2.4)
      NETStandard.Library (>= 1.6.1) - restriction: && (>= net45) (< net452) (< netstandard2.0)
      xunit.extensibility.core (2.4)
    xunit.runner.visualstudio (2.4)
