RESTRICTION: >= net40
NUGET
  remote: https://www.nuget.org/api/v2
    Caliburn.Micro (3.2)
      Caliburn.Micro.Core (3.2)
    Caliburn.Micro.Core (3.2)
    ControlzEx (3.0.2.4)
    Costura.Fody (1.4.1)
      Fody (>= 2.0.6)
    Fody (2.2.1)
    gitlink (3.1)
    JetBrains.Annotations (11.1)
    MahApps.Metro.IconPacks (2.0)
    NHotkey (1.2.1)
    NHotkey.Wpf (1.2.1)
      NHotkey (>= 1.2.1)
    xunit (1.9.2)
    xunit.extensions (1.9.2)
      xunit (1.9.2)

GROUP net40
RESTRICTION: >= net40
NUGET
  remote: https://www.nuget.org/api/v2
    ExposedObject (1.2)
    Microsoft.Bcl (1.1.10)
      Microsoft.Bcl.Build (>= 1.0.14)
    Microsoft.Bcl.Async (1.0.168)
      Microsoft.Bcl (>= 1.1.8)
    Microsoft.Bcl.Build (1.0.21) - import_targets: false

GROUP net45
RESTRICTION: >= net45
NUGET
  remote: https://www.nuget.org/api/v2
    ExposedObject (1.3)
    MaterialDesignColors (1.1.3)
    MaterialDesignThemes (2.3.2-ci1021)
      MaterialDesignColors (>= 1.1.2)
